{
  "aor": 0.000957968069666183,
  "aqi": 0.020591648911465896,
  "bids_meta": {
    "AcquisitionMatrixPE": 106,
    "AcquisitionNumber": 1,
    "AcquisitionTime": "14:34:8.000000",
    "BodyPartExamined": "BRAIN",
    "CoilString": "Nova32ch",
    "ConversionSoftware": "dcm2niix",
    "ConversionSoftwareVersion": "v1.0.20190410  (JP2:OpenJPEG) (JP-LS:CharLS) GCC5.5.0",
    "DeviceSerialNumber": "0000000416595MR1",
    "EchoTime": 0.03,
    "EffectiveEchoSpacing": 0.000648,
    "FlipAngle": 52,
    "ImageOrientationPatientDICOM": [
      1,
      0,
      0,
      0,
      1,
      0
    ],
    "ImageType": [
      "ORIGINAL",
      "PRIMARY",
      "OTHER"
    ],
    "ImagingFrequency": 127.757,
    "InPlanePhaseEncodingDirectionDICOM": "COL",
    "InstitutionName": "CAMH",
    "MRAcquisitionType": "2D",
    "MagneticFieldStrength": 3,
    "Manufacturer": "GE",
    "ManufacturersModelName": "DISCOVERY_MR750",
    "Modality": "MR",
    "PatientPosition": "HFS",
    "PercentPhaseFOV": 100,
    "PhaseEncodingDirection": "j-",
    "PhaseEncodingPolarityGE": "Unflipped",
    "PixelBandwidth": 4716.98,
    "ProcedureStepDescription": "MODS1MR",
    "ProtocolName": "EAtask_AP",
    "ReconMatrixPE": 106,
    "RepetitionTime": 0.8,
    "SAR": 0.10856,
    "ScanOptions": "SAT_GEMS_EDR_GEMS_MP_GEMS_EPI_GEMS_HYPERBAND_GEMS_PFF_FS",
    "ScanningSequence": "EP_RM",
    "SequenceVariant": "NONE",
    "SeriesDescription": "EAtask_AP",
    "SeriesNumber": 15,
    "SliceThickness": 2,
    "SliceTiming": [
      0,
      0.055,
      0.011,
      0.066,
      0.022,
      0.077,
      0.033,
      0.089,
      0.044,
      0.1,
      0.111,
      0.122,
      0.133,
      0.144,
      0.155,
      0.166,
      0.177,
      0.189,
      0.2,
      0.211,
      0.222,
      0.233,
      0.244,
      0.255,
      0.266,
      0.277,
      0.289,
      0.3,
      0.311,
      0.322,
      0.333,
      0.344,
      0.355,
      0.366,
      0.377,
      0.389,
      0.4,
      0.411,
      0.422,
      0.433,
      0.444,
      0.455,
      0.466,
      0.477,
      0.488,
      0.5,
      0.511,
      0.522,
      0.533,
      0.544,
      0.555,
      0.566,
      0.577,
      0.589,
      0.6,
      0.611,
      0.622,
      0.633,
      0.644,
      0.655,
      0.666,
      0.677,
      0.689,
      0.7,
      0.711,
      0.722,
      0.733,
      0.744,
      0.755,
      0.766,
      0.777,
      0.789
    ],
    "SoftwareVersions": "27_LX_MR_Software_release:DV26.0_R05_2008.a",
    "SpacingBetweenSlices": 2,
    "StationName": "MRMR",
    "TotalReadoutTime": 0.06804,
    "TriggerDelayTime": 789,
    "XNATAccessionID": "E37193",
    "dataset": "<unset>",
    "modality": "bold",
    "run_id": 1,
    "session_id": "01",
    "subject_id": "CMH0001",
    "task_id": "emp"
  },
  "dummy_trs": 5,
  "dvars_nstd": 59.08949437815413,
  "dvars_std": 1.0380730207558146,
  "dvars_vstd": 0.9871797629651157,
  "efc": 0.5077,
  "fber": 2506.866,
  "fd_mean": 0.2183052692171715,
  "fd_num": 250,
  "fd_perc": 36.2844702467344,
  "fwhm_avg": 2.9635324213860894,
  "fwhm_x": 3.2383734315260373,
  "fwhm_y": 2.75775883263223,
  "fwhm_z": 2.894465,
  "gcor": 0.0108166,
  "gsr_x": 0.02899397350847721,
  "gsr_y": 0.038772858679294586,
  "provenance": {
    "md5sum": "dacbc8dda71590c3f0f45090b162bec9",
    "settings": {
      "fd_thres": 0.2,
      "testing": false
    },
    "software": "mriqc",
    "version": "24.1.0.dev0+g3fe90466.d20240417"
  },
  "size_t": 689,
  "size_x": 106,
  "size_y": 106,
  "size_z": 72,
  "snr": 2.13812623279833,
  "spacing_tr": 0.800000011920929,
  "spacing_x": 1.9622999429702759,
  "spacing_y": 1.9622999429702759,
  "spacing_z": 2.0,
  "summary_bg_k": 39.0788,
  "summary_bg_mad": 29.637,
  "summary_bg_mean": 71.2517,
  "summary_bg_median": 20.0,
  "summary_bg_n": 600234.0,
  "summary_bg_p05": 0.0,
  "summary_bg_p95": 306.0,
  "summary_bg_stdv": 152.9443,
  "summary_fg_k": 5.3646,
  "summary_fg_mad": 354.8788,
  "summary_fg_mean": 1068.7676,
  "summary_fg_median": 1007.0,
  "summary_fg_n": 208758.0,
  "summary_fg_p05": 385.0,
  "summary_fg_p95": 1894.0,
  "summary_fg_stdv": 470.972,
  "tsnr": 19.363622818142176
}