{
  "NumberOfShells": 2,
  "bValues": "Likely DSI",
  "bValuesEstimation": [
    900.0,
    1800.0
  ],
  "bdiffs_max": 0.3908,
  "bdiffs_mean": 0.2683,
  "bdiffs_median": 0.3122,
  "bdiffs_min": 0.0063,
  "bids_meta": {
    "AcquisitionMatrixPE": 140,
    "AcquisitionNumber": 1,
    "AcquisitionTime": "15:59:44.000000",
    "BodyPartExamined": "HEAD",
    "CoilString": "Nova32ch",
    "ConversionSoftware": "dcm2niix",
    "ConversionSoftwareVersion": "v1.0.20190410  (JP2:OpenJPEG) (JP-LS:CharLS) GCC5.5.0",
    "DeviceSerialNumber": "0000000416595MR1",
    "EchoTime": 0.097,
    "EffectiveEchoSpacing": 0.000812,
    "FlipAngle": 90,
    "ImageOrientationPatientDICOM": [
      1,
      0,
      0,
      0,
      1,
      0
    ],
    "ImageType": [
      "ORIGINAL",
      "PRIMARY",
      "OTHER"
    ],
    "ImagingFrequency": 127.757,
    "InPlanePhaseEncodingDirectionDICOM": "COL",
    "InstitutionName": "CAMH",
    "MRAcquisitionType": "2D",
    "MagneticFieldStrength": 3,
    "Manufacturer": "GE",
    "ManufacturersModelName": "DISCOVERY_MR750",
    "Modality": "MR",
    "PatientPosition": "HFS",
    "PercentPhaseFOV": 100,
    "PhaseEncodingDirection": "j",
    "PhaseEncodingPolarityGE": "Flipped",
    "PixelBandwidth": 3571.43,
    "ProcedureStepDescription": "MODS1MR",
    "ProtocolName": "DTI_97plus2_PA",
    "ReconMatrixPE": 140,
    "RepetitionTime": 4,
    "SAR": 0.328755,
    "ScanOptions": "CL_GEMS_SAT_GEMS_EDR_GEMS_EPI_GEMS_HYPERBAND_GEMS_ACC_GEMS_PFF_FS",
    "ScanningSequence": "EP_SE",
    "SequenceVariant": "NONE",
    "SeriesDescription": "DTI_97plus2_PA",
    "SeriesNumber": 16,
    "SliceThickness": 1.6,
    "SoftwareVersions": "27_LX_MR_Software_release:DV26.0_R05_2008.a",
    "SpacingBetweenSlices": 1.6,
    "StationName": "MRMR",
    "TotalReadoutTime": 0.112868,
    "XNATAccessionID": "E37197",
    "acq_id": "multishelldir92",
    "dataset": "<unset>",
    "modality": "dwi",
    "run_id": 1,
    "session_id": "01",
    "subject_id": "CMH0002"
  },
  "efc_shell01": 3.5417,
  "efc_shell02": 1.6398,
  "efc_shell03": 1.0402,
  "fa_degenerate": 0.0,
  "fa_nans": 0.0,
  "fber_shell01": 2.6173,
  "fber_shell02": 20.25,
  "fber_shell03": 111.7551,
  "fd_mean": 10.8849,
  "fd_num": 98,
  "fd_perc": 98.98989898989899,
  "ndc": 0.8726,
  "provenance": {
    "md5sum": "6416b8e085e750ed7777bdd4b102034a",
    "settings": {
      "testing": false
    },
    "software": "mriqc",
    "version": "24.1.0.dev0+g3fe90466.d20240417"
  },
  "sigma_cc": 79.3192,
  "sigma_pca": 45.7301,
  "sigma_piesno": 19.8091,
  "snr_cc_shell0": 4.8,
  "snr_cc_shell1_best": 4.76,
  "snr_cc_shell1_worst": 4.76,
  "snr_cc_shell2_best": 2.53,
  "snr_cc_shell2_worst": 1.83,
  "spikes_global": 117.23,
  "spikes_slice_i": 416.87,
  "spikes_slice_j": 205.76,
  "spikes_slice_k": 572.56,
  "summary_bg_k": 833.3041,
  "summary_bg_mad": 41.5129,
  "summary_bg_mean": 67.2513,
  "summary_bg_median": 28.0,
  "summary_bg_n": 1204609.0,
  "summary_bg_p05": 0.0,
  "summary_bg_p95": 247.0,
  "summary_bg_stdv": 220.9246,
  "summary_fg_k": 8.3108,
  "summary_fg_mad": 225.3555,
  "summary_fg_mean": 669.4669,
  "summary_fg_median": 540.0,
  "summary_fg_n": 382991.0,
  "summary_fg_p05": 278.0,
  "summary_fg_p95": 1516.0,
  "summary_fg_stdv": 410.2522,
  "summary_wm_k": 48.5207,
  "summary_wm_mad": 112.6778,
  "summary_wm_mean": 468.316,
  "summary_wm_median": 446.0,
  "summary_wm_n": 208099.0,
  "summary_wm_p05": 259.0,
  "summary_wm_p95": 735.0,
  "summary_wm_stdv": 178.3933
}