{
  "bids_meta": {
    "AcquisitionMatrixPE": 256,
    "AcquisitionNumber": 1,
    "AcquisitionTime": "10:15:23.337500",
    "BaseResolution": 256,
    "BodyPartExamined": "BRAIN",
    "CoilCombinationMethod": "Sum of Squares",
    "ConsistencyInfo": "N4_VE11C_LATEST_20160120",
    "ConversionSoftware": "dcm2niix",
    "ConversionSoftwareVersion": "v1.0.20220720",
    "DeviceSerialNumber": "167017",
    "DwellTime": 8.2e-06,
    "EchoTime": 0.00298,
    "FlipAngle": 9,
    "HeudiconvVersion": "0.11.6",
    "ImageOrientationPatientDICOM": [
      0,
      1,
      0,
      0,
      0,
      -1
    ],
    "ImageOrientationText": "Sag",
    "ImageType": [
      "ORIGINAL",
      "PRIMARY",
      "M",
      "ND",
      "NORM"
    ],
    "ImagingFrequency": 123.25,
    "InPlanePhaseEncodingDirectionDICOM": "ROW",
    "InstitutionAddress": "University Street 3801,Montreal,District,CA,H3A 2B4",
    "InstitutionName": "Mc Connell Brain Imaging Centre",
    "InstitutionalDepartmentName": "Department",
    "InversionTime": 0.9,
    "MRAcquisitionType": "3D",
    "MagneticFieldStrength": 3,
    "Manufacturer": "Siemens",
    "ManufacturersModelName": "Prisma_fit",
    "MatrixCoilMode": "GRAPPA",
    "Modality": "MR",
    "NonlinearGradientCorrection": true,
    "ParallelReductionFactorInPlane": 2,
    "PartialFourier": 1,
    "PatientPosition": "HFS",
    "PercentPhaseFOV": 100,
    "PercentSampling": 100,
    "PhaseEncodingSteps": 255,
    "PhaseResolution": 1,
    "PixelBandwidth": 240,
    "ProcedureStepDescription": "Development^Dr. Dagher",
    "ProtocolName": "3DT1",
    "PulseSequenceDetails": "%SiemensSeq%\\tfl",
    "ReceiveCoilActiveElements": "HEA;HEP",
    "ReceiveCoilName": "Head_32",
    "ReconMatrixPE": 256,
    "RefLinesPE": 24,
    "RepetitionTime": 2.3,
    "SAR": 0.0663644,
    "ScanOptions": "IR",
    "ScanningSequence": "GR\\IR",
    "SequenceName": "*tfl3d1_16ns",
    "SequenceVariant": "SK\\SP\\MP",
    "SeriesDescription": "3DT1",
    "SeriesNumber": 4,
    "ShimSetting": [
      531,
      -11674,
      -6410,
      689,
      -181,
      -256,
      -351,
      819
    ],
    "SliceThickness": 1,
    "SoftwareVersions": "syngo MR E11",
    "SpoilingState": true,
    "StationName": "MRC35056",
    "TxRefAmp": 266.724,
    "dataset": "<unset>",
    "modality": "T1w",
    "run_id": 1,
    "session_id": "01",
    "subject_id": "ED01"
  },
  "cjv": 0.6677331455584082,
  "cnr": 1.3640360326307013,
  "efc": 0.5271859407022896,
  "fber": 2213.0888468809076,
  "fwhm_avg": 4.589126666666666,
  "fwhm_x": 4.50116,
  "fwhm_y": 4.93173,
  "fwhm_z": 4.33449,
  "icvs_csf": 0.2687353486785233,
  "icvs_gm": 0.37045446384644654,
  "icvs_wm": 0.36081018747503013,
  "inu_med": 0.6585503220558167,
  "inu_range": 0.4030457973480225,
  "provenance": {
    "md5sum": "a3c057e9f7910566bf740f5f5f76b8e1",
    "settings": {
      "testing": false
    },
    "software": "mriqc",
    "version": "23.1.0",
    "warnings": {
      "large_rot_frame": false,
      "small_air_mask": false
    }
  },
  "qi_1": 0.0,
  "qi_2": 0.00043043285947832544,
  "rpve_csf": 7.457175617550249,
  "rpve_gm": 7.336329923269688,
  "rpve_wm": 7.432889326414979,
  "size_x": 192,
  "size_y": 256,
  "size_z": 256,
  "snr_csf": 1.7440747843109887,
  "snr_gm": 4.650004340782402,
  "snr_total": 5.4696761129313005,
  "snr_wm": 10.014949213700513,
  "snrd_csf": 23.755519872555343,
  "snrd_gm": 43.218111442255676,
  "snrd_total": 41.72212837639591,
  "snrd_wm": 58.19275381437671,
  "spacing_x": 1.0,
  "spacing_y": 1.0,
  "spacing_z": 1.0,
  "summary_bg_k": 253.7901625472607,
  "summary_bg_mad": 10.58072744765913,
  "summary_bg_mean": 8.531771046099983,
  "summary_bg_median": 7.136592213064432,
  "summary_bg_n": 4560814.0,
  "summary_bg_p05": 0.0,
  "summary_bg_p95": 25.835261195898056,
  "summary_bg_stdv": 9.896919028822357,
  "summary_csf_k": -0.4398418352795721,
  "summary_csf_mad": 173.84312527131567,
  "summary_csf_mean": 392.36656356352614,
  "summary_csf_median": 383.66160260513425,
  "summary_csf_n": 446827.07064429997,
  "summary_csf_p05": 59.20580690726638,
  "summary_csf_p95": 746.8702900968492,
  "summary_csf_stdv": 219.97977193317038,
  "summary_gm_k": 1.7927519003387058,
  "summary_gm_mad": 88.72442401640421,
  "summary_gm_mean": 704.4441149932393,
  "summary_gm_median": 697.9906138218939,
  "summary_gm_n": 615955.7486634476,
  "summary_gm_p05": 459.65235544368625,
  "summary_gm_p95": 972.9686947911978,
  "summary_gm_stdv": 150.10524637761876,
  "summary_wm_k": -0.3116826881180188,
  "summary_wm_mad": 72.76466753110832,
  "summary_wm_mean": 918.5166115862775,
  "summary_wm_median": 939.837364461273,
  "summary_wm_n": 599920.1814010288,
  "summary_wm_p05": 736.4644210040569,
  "summary_wm_p95": 1040.1882169768214,
  "summary_wm_stdv": 93.84336965715582,
  "tpm_overlap_csf": 0.19786822373738605,
  "tpm_overlap_gm": 0.5034341016353887,
  "tpm_overlap_wm": 0.5269794647612542,
  "wm2max": 0.4230576031072287
}