{
  "aor": 0.0028276308139534886,
  "aqi": 0.04955308706395349,
  "bids_meta": {
    "AcquisitionMatrixPE": 110,
    "AcquisitionNumber": 1,
    "AcquisitionTime": "13:50:15.000000",
    "BodyPartExamined": "BRAIN",
    "CoilString": "Nova32ch",
    "ConversionSoftware": "dcm2niix",
    "ConversionSoftwareVersion": "v1.0.20190410  (JP2:OpenJPEG) (JP-LS:CharLS) GCC5.5.0",
    "DeviceSerialNumber": "0000000416595MR1",
    "EchoTime": 0.03,
    "EffectiveEchoSpacing": 0.000632,
    "FlipAngle": 52,
    "ImageOrientationPatientDICOM": [
      1,
      0,
      0,
      0,
      1,
      0
    ],
    "ImageType": [
      "ORIGINAL",
      "PRIMARY",
      "OTHER"
    ],
    "ImagingFrequency": 127.757,
    "InPlanePhaseEncodingDirectionDICOM": "COL",
    "InstitutionName": "CAMH",
    "MRAcquisitionType": "2D",
    "MagneticFieldStrength": 3,
    "Manufacturer": "GE",
    "ManufacturersModelName": "DISCOVERY_MR750",
    "Modality": "MR",
    "PatientPosition": "HFS",
    "PercentPhaseFOV": 100,
    "PhaseEncodingDirection": "j",
    "PhaseEncodingPolarityGE": "Flipped",
    "PixelBandwidth": 4545.45,
    "ProcedureStepDescription": "MODS1MR",
    "ProtocolName": "EAtask_PA",
    "ReconMatrixPE": 110,
    "RepetitionTime": 0.8,
    "SAR": 0.148867,
    "ScanOptions": "SAT_GEMS_EDR_GEMS_MP_GEMS_EPI_GEMS_HYPERBAND_GEMS_PFF_FS",
    "ScanningSequence": "EP_RM",
    "SequenceVariant": "NONE",
    "SeriesDescription": "EAtask_PA",
    "SeriesNumber": 12,
    "SliceThickness": 2,
    "SliceTiming": [
      0,
      0.055,
      0.011,
      0.066,
      0.022,
      0.077,
      0.033,
      0.089,
      0.044,
      0.1,
      0.111,
      0.122,
      0.133,
      0.144,
      0.155,
      0.166,
      0.177,
      0.189,
      0.2,
      0.211,
      0.222,
      0.233,
      0.244,
      0.255,
      0.266,
      0.277,
      0.289,
      0.3,
      0.311,
      0.322,
      0.333,
      0.344,
      0.355,
      0.366,
      0.377,
      0.389,
      0.4,
      0.411,
      0.422,
      0.433,
      0.444,
      0.455,
      0.466,
      0.477,
      0.488,
      0.5,
      0.511,
      0.522,
      0.533,
      0.544,
      0.555,
      0.566,
      0.577,
      0.589,
      0.6,
      0.611,
      0.622,
      0.633,
      0.644,
      0.655,
      0.666,
      0.677,
      0.689,
      0.7,
      0.711,
      0.722,
      0.733,
      0.744,
      0.755,
      0.766,
      0.777,
      0.789
    ],
    "SoftwareVersions": "27_LX_MR_Software_release:DV26.0_R05_2008.a",
    "SpacingBetweenSlices": 2,
    "StationName": "MRMR",
    "TotalReadoutTime": 0.068888,
    "TriggerDelayTime": 789,
    "dataset": "<unset>",
    "modality": "bold",
    "run_id": 1,
    "session_id": "01",
    "subject_id": "CMH0003",
    "task_id": "emp"
  },
  "dummy_trs": 6,
  "dvars_nstd": 81.18864736305679,
  "dvars_std": 1.054213029126637,
  "dvars_vstd": 0.9841066514992732,
  "efc": 0.4843,
  "fber": 1556.8458,
  "fd_mean": 0.7503441551615153,
  "fd_num": 597,
  "fd_perc": 86.77325581395348,
  "fwhm_avg": 2.6225150000000004,
  "fwhm_x": 2.75628,
  "fwhm_y": 2.511585,
  "fwhm_z": 2.59968,
  "gcor": 0.0109966,
  "gsr_x": 0.013000819832086563,
  "gsr_y": 0.04071420803666115,
  "provenance": {
    "md5sum": "05727679ed639438ffd388270ebc5795",
    "settings": {
      "fd_thres": 0.2,
      "testing": false
    },
    "software": "mriqc",
    "version": "24.1.0.dev0+g3fe90466.d20240417"
  },
  "size_t": 688,
  "size_x": 110,
  "size_y": 110,
  "size_z": 72,
  "snr": 2.60863940374745,
  "spacing_tr": 0.800000011920929,
  "spacing_x": 2.0,
  "spacing_y": 2.0,
  "spacing_z": 2.0,
  "summary_bg_k": 48.3189,
  "summary_bg_mad": 35.4467,
  "summary_bg_mean": 73.0261,
  "summary_bg_median": 24.0,
  "summary_bg_n": 702726.0,
  "summary_bg_p05": 0.0,
  "summary_bg_p95": 304.0,
  "summary_bg_stdv": 147.9501,
  "summary_fg_k": 2.8637,
  "summary_fg_mad": 265.4935,
  "summary_fg_mean": 981.2069,
  "summary_fg_median": 954.0,
  "summary_fg_n": 168474.0,
  "summary_fg_p05": 372.0,
  "summary_fg_p95": 1611.0,
  "summary_fg_stdv": 365.7068,
  "tsnr": 14.41070488927653
}