{
  "aor": 0.002759622093023256,
  "aqi": 0.04600706119186047,
  "bids_meta": {
    "AcquisitionMatrixPE": 110,
    "AcquisitionNumber": 1,
    "AcquisitionTime": "14:13:27.000000",
    "BodyPartExamined": "BRAIN",
    "CoilString": "Nova32ch",
    "ConversionSoftware": "dcm2niix",
    "ConversionSoftwareVersion": "v1.0.20190410  (JP2:OpenJPEG) (JP-LS:CharLS) GCC5.5.0",
    "DeviceSerialNumber": "0000000416595MR1",
    "EchoTime": 0.03,
    "EffectiveEchoSpacing": 0.000632,
    "FlipAngle": 52,
    "ImageOrientationPatientDICOM": [
      1,
      0,
      0,
      0,
      1,
      0
    ],
    "ImageType": [
      "ORIGINAL",
      "PRIMARY",
      "OTHER"
    ],
    "ImagingFrequency": 127.757,
    "InPlanePhaseEncodingDirectionDICOM": "COL",
    "InstitutionName": "CAMH",
    "MRAcquisitionType": "2D",
    "MagneticFieldStrength": 3,
    "Manufacturer": "GE",
    "ManufacturersModelName": "DISCOVERY_MR750",
    "Modality": "MR",
    "PatientPosition": "HFS",
    "PercentPhaseFOV": 100,
    "PhaseEncodingDirection": "j",
    "PhaseEncodingPolarityGE": "Flipped",
    "PixelBandwidth": 4545.45,
    "ProcedureStepDescription": "MODS1MR",
    "ProtocolName": "EAtask_PA",
    "ReconMatrixPE": 110,
    "RepetitionTime": 0.8,
    "SAR": 0.148867,
    "ScanOptions": "SAT_GEMS_EDR_GEMS_MP_GEMS_EPI_GEMS_HYPERBAND_GEMS_PFF_FS",
    "ScanningSequence": "EP_RM",
    "SequenceVariant": "NONE",
    "SeriesDescription": "EAtask_PA",
    "SeriesNumber": 17,
    "SliceThickness": 2,
    "SliceTiming": [
      0,
      0.055,
      0.011,
      0.066,
      0.022,
      0.077,
      0.033,
      0.089,
      0.044,
      0.1,
      0.111,
      0.122,
      0.133,
      0.144,
      0.155,
      0.166,
      0.177,
      0.189,
      0.2,
      0.211,
      0.222,
      0.233,
      0.244,
      0.255,
      0.266,
      0.277,
      0.289,
      0.3,
      0.311,
      0.322,
      0.333,
      0.344,
      0.355,
      0.366,
      0.377,
      0.389,
      0.4,
      0.411,
      0.422,
      0.433,
      0.444,
      0.455,
      0.466,
      0.477,
      0.488,
      0.5,
      0.511,
      0.522,
      0.533,
      0.544,
      0.555,
      0.566,
      0.577,
      0.589,
      0.6,
      0.611,
      0.622,
      0.633,
      0.644,
      0.655,
      0.666,
      0.677,
      0.689,
      0.7,
      0.711,
      0.722,
      0.733,
      0.744,
      0.755,
      0.766,
      0.777,
      0.789
    ],
    "SoftwareVersions": "27_LX_MR_Software_release:DV26.0_R05_2008.a",
    "SpacingBetweenSlices": 2,
    "StationName": "MRMR",
    "TotalReadoutTime": 0.068888,
    "TriggerDelayTime": 789,
    "dataset": "<unset>",
    "modality": "bold",
    "run_id": 2,
    "session_id": "01",
    "subject_id": "CMH0003",
    "task_id": "emp"
  },
  "dummy_trs": 6,
  "dvars_nstd": 67.63512256825331,
  "dvars_std": 1.0220899712663747,
  "dvars_vstd": 0.9794869912663751,
  "efc": 0.4875,
  "fber": 1714.4725,
  "fd_mean": 0.5263619681930402,
  "fd_num": 511,
  "fd_perc": 74.27325581395348,
  "fwhm_avg": 2.6797,
  "fwhm_x": 2.802745,
  "fwhm_y": 2.614775,
  "fwhm_z": 2.62158,
  "gcor": 0.00456348,
  "gsr_x": 0.014095732942223549,
  "gsr_y": 0.04514268785715103,
  "provenance": {
    "md5sum": "6486b496b155b95a9ca7484536dd6efd",
    "settings": {
      "fd_thres": 0.2,
      "testing": false
    },
    "software": "mriqc",
    "version": "24.1.0.dev0+g3fe90466.d20240417"
  },
  "size_t": 688,
  "size_x": 110,
  "size_y": 110,
  "size_z": 72,
  "snr": 2.5818350412656477,
  "spacing_tr": 0.800000011920929,
  "spacing_x": 2.0,
  "spacing_y": 2.0,
  "spacing_z": 2.0,
  "summary_bg_k": 54.1476,
  "summary_bg_mad": 33.9899,
  "summary_bg_mean": 73.0803,
  "summary_bg_median": 23.0,
  "summary_bg_n": 697804.0,
  "summary_bg_p05": 0.0,
  "summary_bg_p95": 310.0,
  "summary_bg_stdv": 151.7742,
  "summary_fg_k": 2.8204,
  "summary_fg_mad": 263.2686,
  "summary_fg_mean": 965.3946,
  "summary_fg_median": 941.0,
  "summary_fg_n": 173396.0,
  "summary_fg_p05": 334.0,
  "summary_fg_p95": 1579.0,
  "summary_fg_stdv": 364.4684,
  "tsnr": 15.375765951699577
}