{
  "bids_meta": {
    "AcquisitionMatrixPE": 256,
    "AcquisitionNumber": 1,
    "AcquisitionTime": "11:19:26.000000",
    "BodyPartExamined": "BRAIN",
    "CoilString": "Nova32ch",
    "ConversionSoftware": "dcm2niix",
    "ConversionSoftwareVersion": "v1.0.20190410  (JP2:OpenJPEG) (JP-LS:CharLS) GCC5.5.0",
    "DeviceSerialNumber": "0000000416595MR1",
    "EchoTime": 0.00292,
    "FlipAngle": 8,
    "ImageOrientationPatientDICOM": [
      0,
      1,
      0,
      0,
      0,
      -1
    ],
    "ImageType": [
      "ORIGINAL",
      "PRIMARY",
      "OTHER"
    ],
    "ImagingFrequency": 127.757,
    "InPlanePhaseEncodingDirectionDICOM": "ROW",
    "InstitutionName": "CAMH",
    "InversionTime": 1.06,
    "MRAcquisitionType": "3D",
    "MagneticFieldStrength": 3,
    "Manufacturer": "GE",
    "ManufacturersModelName": "DISCOVERY_MR750",
    "Modality": "MR",
    "PatientPosition": "HFS",
    "PercentPhaseFOV": 100,
    "PixelBandwidth": 244.141,
    "ProcedureStepDescription": "MODS1MR",
    "ProtocolName": "Sag_MPRAGE_T1",
    "ReconMatrixPE": 256,
    "RepetitionTime": 0.006952,
    "SAR": 0.103697,
    "ScanOptions": "EDR_GEMS_PROMO_GEMS_ACC_GEMS_IR_GEMS",
    "ScanningSequence": "RM",
    "SequenceVariant": "NONE",
    "SeriesDescription": "Sag_MPRAGE_T1",
    "SeriesNumber": 4,
    "SliceThickness": 1,
    "SoftwareVersions": "27_LX_MR_Software_release:DV26.0_R05_2008.a",
    "SpacingBetweenSlices": 1,
    "StationName": "MRMR",
    "XNATAccessionID": "E37223",
    "dataset": "<unset>",
    "modality": "T1w",
    "run_id": 1,
    "session_id": "02",
    "subject_id": "CMH0001"
  },
  "cjv": 0.5778984567901235,
  "cnr": 1.5435195199211733,
  "efc": 0.4477,
  "fber": 4023.9459,
  "fwhm_avg": 3.7571333333333334,
  "fwhm_x": 3.74635,
  "fwhm_y": 3.90044,
  "fwhm_z": 3.62461,
  "icvs_csf": 0.27177137486783237,
  "icvs_gm": 0.37620716364852885,
  "icvs_wm": 0.35202146148363883,
  "inu_med": 1.0052931308746338,
  "inu_range": 0.6142821907997132,
  "provenance": {
    "md5sum": "8c7c4d1d33fc324975dae2d8faebc7ef",
    "settings": {
      "testing": false
    },
    "software": "mriqc",
    "version": "24.1.0.dev0+g3fe90466.d20240417",
    "warnings": {
      "large_rot_frame": true,
      "small_air_mask": false
    }
  },
  "qi_1": 0.0,
  "qi_2": 0.0020081772507481574,
  "rpve_csf": 7.587979280919973,
  "rpve_gm": 7.491810464333804,
  "rpve_wm": 7.621953290636307,
  "size_x": 208,
  "size_y": 256,
  "size_z": 256,
  "snr_csf": 1.688688635030211,
  "snr_gm": 3.5678018136105756,
  "snr_total": 4.462214183340963,
  "snr_wm": 8.130152101382103,
  "snrd_csf": 19.774284297855118,
  "snrd_gm": 34.02502549575071,
  "snrd_total": 35.240204977741804,
  "snrd_wm": 51.92130513961959,
  "spacing_x": 1.0,
  "spacing_y": 1.0,
  "spacing_z": 1.0,
  "summary_bg_k": 1225.7332,
  "summary_bg_mad": 11.8608,
  "summary_bg_mean": 11.4477,
  "summary_bg_median": 8.0,
  "summary_bg_n": 4480756.0,
  "summary_bg_p05": 0.0,
  "summary_bg_p95": 33.0,
  "summary_bg_stdv": 29.7424,
  "summary_csf_k": -0.7689,
  "summary_csf_mad": 179.9434,
  "summary_csf_mean": 364.1802,
  "summary_csf_median": 358.0,
  "summary_csf_n": 479202.23556782544,
  "summary_csf_p05": 59.0,
  "summary_csf_p95": 704.0,
  "summary_csf_stdv": 211.9986,
  "summary_gm_k": 0.225,
  "summary_gm_mad": 106.1416,
  "summary_gm_mean": 625.9684,
  "summary_gm_median": 616.0,
  "summary_gm_n": 663349.1623048198,
  "summary_gm_p05": 345.0,
  "summary_gm_p95": 942.0,
  "summary_gm_stdv": 172.6552,
  "summary_wm_k": 0.4964,
  "summary_wm_mad": 81.0975,
  "summary_wm_mean": 922.7403,
  "summary_wm_median": 940.0,
  "summary_wm_n": 620703.6020362696,
  "summary_wm_p05": 701.0,
  "summary_wm_p95": 1088.0,
  "summary_wm_stdv": 115.6189,
  "tpm_overlap_csf": 0.22265028149661673,
  "tpm_overlap_gm": 0.5357630383104713,
  "tpm_overlap_wm": 0.5388591615426438,
  "wm2max": 0.3681514453186677
}