{
  "NumberOfShells": 2,
  "bValues": "Likely DSI",
  "bValuesEstimation": [
    900.0,
    1800.0
  ],
  "bdiffs_max": 0.0387,
  "bdiffs_mean": 0.0152,
  "bdiffs_median": 0.0121,
  "bdiffs_min": 0.0009,
  "bids_meta": {
    "AcquisitionMatrixPE": 140,
    "AcquisitionNumber": 1,
    "AcquisitionTime": "15:08:36.000000",
    "BodyPartExamined": "HEAD",
    "CoilString": "Nova32ch",
    "ConversionSoftware": "dcm2niix",
    "ConversionSoftwareVersion": "v1.0.20190410  (JP2:OpenJPEG) (JP-LS:CharLS) GCC5.5.0",
    "DeviceSerialNumber": "0000000416595MR1",
    "EchoTime": 0.08,
    "EffectiveEchoSpacing": 0.000804,
    "FlipAngle": 90,
    "ImageOrientationPatientDICOM": [
      1,
      0,
      0,
      0,
      1,
      0
    ],
    "ImageType": [
      "ORIGINAL",
      "PRIMARY",
      "OTHER"
    ],
    "ImagingFrequency": 127.757,
    "InPlanePhaseEncodingDirectionDICOM": "COL",
    "InstitutionName": "CAMH",
    "MRAcquisitionType": "2D",
    "MagneticFieldStrength": 3,
    "Manufacturer": "GE",
    "ManufacturersModelName": "DISCOVERY_MR750",
    "Modality": "MR",
    "PatientPosition": "HFS",
    "PercentPhaseFOV": 100,
    "PhaseEncodingDirection": "j",
    "PhaseEncodingPolarityGE": "Flipped",
    "PixelBandwidth": 3571.43,
    "ProcedureStepDescription": "MODS1MR",
    "ProtocolName": "DTI_97plus2_PA",
    "ReconMatrixPE": 140,
    "RepetitionTime": 4.2,
    "SAR": 0.223894,
    "ScanOptions": "CL_GEMS_SAT_GEMS_EDR_GEMS_EPI_GEMS_HYPERBAND_GEMS_PFF_FS",
    "ScanningSequence": "EP_RM",
    "SequenceVariant": "NONE",
    "SeriesDescription": "DTI_97plus2_PA",
    "SeriesNumber": 22,
    "SliceThickness": 1.6,
    "SoftwareVersions": "27_LX_MR_Software_release:DV26.0_R05_2008.a",
    "SpacingBetweenSlices": 1.6,
    "StationName": "MRMR",
    "TotalReadoutTime": 0.111756,
    "XNATAccessionID": "E37193",
    "acq_id": "multishelldir92",
    "dataset": "<unset>",
    "modality": "dwi",
    "run_id": 1,
    "session_id": "01",
    "subject_id": "CMH0001"
  },
  "efc_shell01": 5.0461,
  "efc_shell02": 2.3891,
  "efc_shell03": 1.4533,
  "fa_degenerate": 0.0,
  "fa_nans": 0.0,
  "fber_shell01": 16.25,
  "fber_shell02": 46.6944,
  "fber_shell03": 248.0625,
  "fd_mean": 1.3959,
  "fd_num": 96,
  "fd_perc": 96.96969696969697,
  "ndc": 0.828,
  "provenance": {
    "md5sum": "ca4ee8943a9fd67444761fb94d3e102d",
    "settings": {
      "testing": false
    },
    "software": "mriqc",
    "version": "24.1.0.dev0+g3fe90466.d20240417"
  },
  "sigma_cc": 78.5779,
  "sigma_pca": 32.2003,
  "sigma_piesno": 0.3301,
  "snr_cc_shell0": 5.76,
  "snr_cc_shell1_best": 5.83,
  "snr_cc_shell1_worst": 5.83,
  "snr_cc_shell2_best": 3.76,
  "snr_cc_shell2_worst": 2.18,
  "spikes_global": 98.22,
  "spikes_slice_i": 277.91,
  "spikes_slice_j": 51.66,
  "spikes_slice_k": 399.92,
  "summary_bg_k": 148.0049,
  "summary_bg_mad": 16.3086,
  "summary_bg_mean": 54.1567,
  "summary_bg_median": 11.0,
  "summary_bg_n": 1171517.0,
  "summary_bg_p05": 0.0,
  "summary_bg_p95": 271.0,
  "summary_bg_stdv": 156.3643,
  "summary_fg_k": 10.1234,
  "summary_fg_mad": 295.0378,
  "summary_fg_mean": 798.5743,
  "summary_fg_median": 689.0,
  "summary_fg_n": 416083.0,
  "summary_fg_p05": 341.0,
  "summary_fg_p95": 1599.0,
  "summary_fg_stdv": 435.3244,
  "summary_wm_k": 43.0513,
  "summary_wm_mad": 140.8472,
  "summary_wm_mean": 576.3153,
  "summary_wm_median": 529.0,
  "summary_wm_n": 186370.0,
  "summary_wm_p05": 293.0,
  "summary_wm_p95": 997.0,
  "summary_wm_stdv": 270.8892
}