{
  "bids_meta": {
    "AcquisitionMatrixPE": 256,
    "AcquisitionNumber": 1,
    "AcquisitionTime": "14:59:15.000000",
    "BodyPartExamined": "BRAIN",
    "CoilString": "Nova32ch",
    "ConversionSoftware": "dcm2niix",
    "ConversionSoftwareVersion": "v1.0.20190410  (JP2:OpenJPEG) (JP-LS:CharLS) GCC5.5.0",
    "DeviceSerialNumber": "0000000416595MR1",
    "EchoTime": 0.00292,
    "FlipAngle": 8,
    "ImageOrientationPatientDICOM": [
      0,
      1,
      0,
      0,
      0,
      -1
    ],
    "ImageType": [
      "ORIGINAL",
      "PRIMARY",
      "OTHER"
    ],
    "ImagingFrequency": 127.757,
    "InPlanePhaseEncodingDirectionDICOM": "ROW",
    "InstitutionName": "CAMH",
    "InversionTime": 1.06,
    "MRAcquisitionType": "3D",
    "MagneticFieldStrength": 3,
    "Manufacturer": "GE",
    "ManufacturersModelName": "DISCOVERY_MR750",
    "Modality": "MR",
    "PatientPosition": "HFS",
    "PercentPhaseFOV": 100,
    "PixelBandwidth": 244.141,
    "ProcedureStepDescription": "MODS1MR",
    "ProtocolName": "Sag_MPRAGE_T1",
    "ReconMatrixPE": 256,
    "RepetitionTime": 0.006952,
    "SAR": 0.13973,
    "ScanOptions": "EDR_GEMS_PROMO_GEMS_ACC_GEMS_IR_GEMS",
    "ScanningSequence": "RM",
    "SequenceVariant": "NONE",
    "SeriesDescription": "Sag_MPRAGE_T1",
    "SeriesNumber": 4,
    "SliceThickness": 1,
    "SoftwareVersions": "27_LX_MR_Software_release:DV26.0_R05_2008.a",
    "SpacingBetweenSlices": 1,
    "StationName": "MRMR",
    "XNATAccessionID": "E37197",
    "dataset": "<unset>",
    "modality": "T1w",
    "run_id": 1,
    "session_id": "01",
    "subject_id": "CMH0002"
  },
  "cjv": 0.6596422297297297,
  "cnr": 1.2373315560301097,
  "efc": 0.4534,
  "fber": 2261.5309,
  "fwhm_avg": 3.625383333333333,
  "fwhm_x": 3.59316,
  "fwhm_y": 3.75526,
  "fwhm_z": 3.52773,
  "icvs_csf": 0.270967934536101,
  "icvs_gm": 0.3699829943043869,
  "icvs_wm": 0.35904907115951207,
  "inu_med": 1.053375244140625,
  "inu_range": 0.7215789675712585,
  "provenance": {
    "md5sum": "98ba078453608fcf82b86a795fa3a0fe",
    "settings": {
      "testing": false
    },
    "software": "mriqc",
    "version": "24.1.0.dev0+g3fe90466.d20240417",
    "warnings": {
      "large_rot_frame": true,
      "small_air_mask": false
    }
  },
  "qi_1": 0.0,
  "qi_2": 0.002401494057755951,
  "rpve_csf": 8.306646927613825,
  "rpve_gm": 8.176027376067198,
  "rpve_wm": 8.291548523821172,
  "size_x": 208,
  "size_y": 256,
  "size_z": 256,
  "snr_csf": 1.4396051976398023,
  "snr_gm": 3.339225530719832,
  "snr_total": 4.004400464633542,
  "snr_wm": 7.234370665540993,
  "snrd_csf": 11.231204303251046,
  "snrd_gm": 23.75123532982598,
  "snrd_total": 23.211155560052163,
  "snrd_wm": 34.65102704707945,
  "spacing_x": 1.0,
  "spacing_y": 1.0,
  "spacing_z": 1.0,
  "summary_bg_k": 380.6679,
  "summary_bg_mad": 17.7912,
  "summary_bg_mean": 15.8348,
  "summary_bg_median": 12.0,
  "summary_bg_n": 4381227.0,
  "summary_bg_p05": 0.0,
  "summary_bg_p95": 41.0,
  "summary_bg_stdv": 54.764,
  "summary_csf_k": -0.8445,
  "summary_csf_mad": 176.6149,
  "summary_csf_mean": 333.6356,
  "summary_csf_median": 305.0,
  "summary_csf_n": 438004.2209566955,
  "summary_csf_p05": 49.0,
  "summary_csf_p95": 690.0,
  "summary_csf_stdv": 211.8634,
  "summary_gm_k": 4.7824,
  "summary_gm_mad": 100.3809,
  "summary_gm_mean": 652.1583,
  "summary_gm_median": 645.0,
  "summary_gm_n": 598056.421195948,
  "summary_gm_p05": 322.0,
  "summary_gm_p95": 989.0,
  "summary_gm_stdv": 193.1584,
  "summary_wm_k": 0.026,
  "summary_wm_mad": 94.8732,
  "summary_wm_mean": 917.2088,
  "summary_wm_median": 941.0,
  "summary_wm_n": 580382.3576678399,
  "summary_wm_p05": 673.0,
  "summary_wm_p95": 1100.0,
  "summary_wm_stdv": 130.0734,
  "tpm_overlap_csf": 0.22758764080604127,
  "tpm_overlap_gm": 0.5371666396721647,
  "tpm_overlap_wm": 0.548377227271978,
  "wm2max": 0.23888824907378411
}