{
  "bids_meta": {
    "AcquisitionMatrixPE": 256,
    "AcquisitionNumber": 1,
    "AcquisitionTime": "13:14:3.000000",
    "BodyPartExamined": "BRAIN",
    "CoilString": "Nova32ch",
    "ConversionSoftware": "dcm2niix",
    "ConversionSoftwareVersion": "v1.0.20190410  (JP2:OpenJPEG) (JP-LS:CharLS) GCC5.5.0",
    "DeviceSerialNumber": "0000000416595MR1",
    "EchoTime": 0.00292,
    "FlipAngle": 8,
    "ImageOrientationPatientDICOM": [
      0,
      1,
      0,
      0,
      0,
      -1
    ],
    "ImageType": [
      "ORIGINAL",
      "PRIMARY",
      "OTHER"
    ],
    "ImagingFrequency": 127.757,
    "InPlanePhaseEncodingDirectionDICOM": "ROW",
    "InstitutionName": "CAMH",
    "InversionTime": 1.06,
    "MRAcquisitionType": "3D",
    "MagneticFieldStrength": 3,
    "Manufacturer": "GE",
    "ManufacturersModelName": "DISCOVERY_MR750",
    "Modality": "MR",
    "PatientPosition": "HFS",
    "PercentPhaseFOV": 100,
    "PixelBandwidth": 244.141,
    "ProcedureStepDescription": "MODS1MR",
    "ProtocolName": "Sag_MPRAGE_T1",
    "ReconMatrixPE": 256,
    "RepetitionTime": 0.006952,
    "SAR": 0.137277,
    "ScanOptions": "EDR_GEMS_PROMO_GEMS_ACC_GEMS_IR_GEMS",
    "ScanningSequence": "RM",
    "SequenceVariant": "NONE",
    "SeriesDescription": "Sag_MPRAGE_T1",
    "SeriesNumber": 4,
    "SliceThickness": 1,
    "SoftwareVersions": "27_LX_MR_Software_release:DV26.0_R05_2008.a",
    "SpacingBetweenSlices": 1,
    "StationName": "MRMR",
    "XNATAccessionID": "E37390",
    "dataset": "<unset>",
    "modality": "T1w",
    "run_id": 1,
    "session_id": "02",
    "subject_id": "CMH0003"
  },
  "cjv": 0.7771556818181818,
  "cnr": 1.0223530448623739,
  "efc": 0.472,
  "fber": 747.3715,
  "fwhm_avg": 3.6184,
  "fwhm_x": 3.52522,
  "fwhm_y": 3.75744,
  "fwhm_z": 3.57254,
  "icvs_csf": 0.27095236871720263,
  "icvs_gm": 0.3594806377547683,
  "icvs_wm": 0.3695669935280291,
  "inu_med": 1.0480494499206543,
  "inu_range": 0.6265817582607272,
  "provenance": {
    "md5sum": "99ce3039dd95ce774779a2186f973749",
    "settings": {
      "testing": false
    },
    "software": "mriqc",
    "version": "24.1.0.dev0+g3fe90466.d20240417",
    "warnings": {
      "large_rot_frame": true,
      "small_air_mask": false
    }
  },
  "qi_1": 0.0,
  "qi_2": 0.0020190622145919795,
  "rpve_csf": 9.209700933106042,
  "rpve_gm": 9.061458288156466,
  "rpve_wm": 9.175989045267379,
  "size_x": 208,
  "size_y": 256,
  "size_z": 256,
  "snr_csf": 1.558905236063461,
  "snr_gm": 3.107267640483813,
  "snr_total": 3.919143194605619,
  "snr_wm": 7.091256707269585,
  "snrd_csf": 12.53342143408999,
  "snrd_gm": 27.195917663073473,
  "snrd_total": 25.84348650405308,
  "snrd_wm": 37.80112041499577,
  "spacing_x": 1.0,
  "spacing_y": 1.0,
  "spacing_z": 1.0,
  "summary_bg_k": 7.8864,
  "summary_bg_mad": 16.3086,
  "summary_bg_mean": 27.0862,
  "summary_bg_median": 11.0,
  "summary_bg_n": 4552991.0,
  "summary_bg_p05": 0.0,
  "summary_bg_p95": 114.0,
  "summary_bg_stdv": 40.034,
  "summary_csf_k": -0.8032,
  "summary_csf_mad": 169.8814,
  "summary_csf_mean": 346.1876,
  "summary_csf_median": 312.0,
  "summary_csf_n": 395664.97022483824,
  "summary_csf_p05": 81.0,
  "summary_csf_p95": 697.0,
  "summary_csf_stdv": 200.1402,
  "summary_gm_k": 4.6762,
  "summary_gm_mad": 98.4232,
  "summary_gm_mean": 679.611,
  "summary_gm_median": 677.0,
  "summary_gm_n": 524940.5882924688,
  "summary_gm_p05": 285.0,
  "summary_gm_p95": 1037.0,
  "summary_gm_stdv": 217.8761,
  "summary_wm_k": 0.0355,
  "summary_wm_mad": 106.7459,
  "summary_wm_mean": 929.9941,
  "summary_wm_median": 941.0,
  "summary_wm_n": 539669.4414691303,
  "summary_wm_p05": 696.0,
  "summary_wm_p95": 1137.0,
  "summary_wm_stdv": 132.6985,
  "tpm_overlap_csf": 0.21496502811907264,
  "tpm_overlap_gm": 0.5227300305898723,
  "tpm_overlap_wm": 0.5395435505192266,
  "wm2max": 0.2577451088300644
}