{
  "NumberOfShells": 2,
  "bValues": "Likely DSI",
  "bValuesEstimation": [
    900.0,
    1800.0
  ],
  "bdiffs_max": 0.2629,
  "bdiffs_mean": 0.086,
  "bdiffs_median": 0.0816,
  "bdiffs_min": 0.0067,
  "bids_meta": {
    "AcquisitionMatrixPE": 140,
    "AcquisitionNumber": 1,
    "AcquisitionTime": "14:09:34.000000",
    "BodyPartExamined": "HEAD",
    "CoilString": "Nova32ch",
    "ConversionSoftware": "dcm2niix",
    "ConversionSoftwareVersion": "v1.0.20190410  (JP2:OpenJPEG) (JP-LS:CharLS) GCC5.5.0",
    "DeviceSerialNumber": "0000000416595MR1",
    "EchoTime": 0.097,
    "EffectiveEchoSpacing": 0.000812,
    "FlipAngle": 90,
    "ImageOrientationPatientDICOM": [
      1,
      0,
      0,
      0,
      1,
      0
    ],
    "ImageType": [
      "ORIGINAL",
      "PRIMARY",
      "OTHER"
    ],
    "ImagingFrequency": 127.757,
    "InPlanePhaseEncodingDirectionDICOM": "COL",
    "InstitutionName": "CAMH",
    "MRAcquisitionType": "2D",
    "MagneticFieldStrength": 3,
    "Manufacturer": "GE",
    "ManufacturersModelName": "DISCOVERY_MR750",
    "Modality": "MR",
    "PatientPosition": "HFS",
    "PercentPhaseFOV": 100,
    "PhaseEncodingDirection": "j-",
    "PhaseEncodingPolarityGE": "Unflipped",
    "PixelBandwidth": 3571.43,
    "ProcedureStepDescription": "MODS1MR",
    "ProtocolName": "DTI_97plus2_AP",
    "ReconMatrixPE": 140,
    "RepetitionTime": 4,
    "SAR": 0.32228,
    "ScanOptions": "CL_GEMS_SAT_GEMS_EDR_GEMS_EPI_GEMS_HYPERBAND_GEMS_ACC_GEMS_PFF_FS",
    "ScanningSequence": "EP_SE",
    "SequenceVariant": "NONE",
    "SeriesDescription": "DTI_97plus2_AP",
    "SeriesNumber": 16,
    "SliceThickness": 1.6,
    "SoftwareVersions": "27_LX_MR_Software_release:DV26.0_R05_2008.a",
    "SpacingBetweenSlices": 1.6,
    "StationName": "MRMR",
    "TotalReadoutTime": 0.112868,
    "XNATAccessionID": "E37390",
    "acq_id": "multishelldir92",
    "dataset": "<unset>",
    "modality": "dwi",
    "run_id": 1,
    "session_id": "02",
    "subject_id": "CMH0003"
  },
  "efc_shell01": 3.5407,
  "efc_shell02": 1.6085,
  "efc_shell03": 1.0133,
  "fa_degenerate": 0.0,
  "fa_nans": 0.0,
  "fber_shell01": 7.1111,
  "fber_shell02": 17.3611,
  "fber_shell03": 64.0,
  "fd_mean": 3.5543,
  "fd_num": 98,
  "fd_perc": 98.98989898989899,
  "ndc": 0.3349,
  "provenance": {
    "md5sum": "2d8fe3cc8e2bff35479b8ff1b6dfa4d1",
    "settings": {
      "testing": false
    },
    "software": "mriqc",
    "version": "24.1.0.dev0+g3fe90466.d20240417"
  },
  "sigma_cc": 70.4236,
  "sigma_pca": 44.2517,
  "sigma_piesno": 18.1583,
  "snr_cc_shell0": 6.73,
  "snr_cc_shell1_best": 6.66,
  "snr_cc_shell1_worst": 6.66,
  "snr_cc_shell2_best": 3.12,
  "snr_cc_shell2_worst": 2.64,
  "spikes_global": 87.38,
  "spikes_slice_i": 456.95,
  "spikes_slice_j": 138.06,
  "spikes_slice_k": 295.3,
  "summary_bg_k": 53.7818,
  "summary_bg_mad": 32.6172,
  "summary_bg_mean": 57.6947,
  "summary_bg_median": 22.0,
  "summary_bg_n": 1230155.0,
  "summary_bg_p05": 0.0,
  "summary_bg_p95": 250.0,
  "summary_bg_stdv": 116.5431,
  "summary_fg_k": 5.2109,
  "summary_fg_mad": 234.2512,
  "summary_fg_mean": 707.7382,
  "summary_fg_median": 575.0,
  "summary_fg_n": 357445.0,
  "summary_fg_p05": 250.0,
  "summary_fg_p95": 1603.0,
  "summary_fg_stdv": 428.3838,
  "summary_wm_k": 21.6472,
  "summary_wm_mad": 139.3646,
  "summary_wm_mean": 532.2993,
  "summary_wm_median": 507.0,
  "summary_wm_n": 233543.0,
  "summary_wm_p05": 234.0,
  "summary_wm_p95": 908.0,
  "summary_wm_stdv": 222.2423
}