{
    "Modality": "MR",
    "MagneticFieldStrength": 3,
    "ImagingFrequency": 123.238644,
    "Manufacturer": "Siemens",
    "ManufacturersModelName": "Skyra",
    "InstitutionName": "University of Arizona",
    "InstitutionalDepartmentName": "Department",
    "InstitutionAddress": "North Warren Ave 1609,Tucson,Denver,US,85719",
    "DeviceSerialNumber": "45424",
    "StationName": "AWP45424",
    "BodyPartExamined": "BRAIN",
    "PatientPosition": "HFS",
    "ProcedureStepDescription": "Kielar^TMS",
    "SoftwareVersions": "syngo MR E11",
    "MRAcquisitionType": "2D",
    "SeriesDescription": "restingstate",
    "ProtocolName": "restingstate",
    "ScanningSequence": "EP",
    "SequenceVariant": "SK\\OSP",
    "ScanOptions": "FS",
    "SequenceName": "*epfid2d1_84",
    "ImageType": [
        "ORIGINAL",
        "PRIMARY",
        "M",
        "ND",
        "NORM",
        "MOSAIC"
    ],
    "NonlinearGradientCorrection": false,
    "SeriesNumber": 18,
    "AcquisitionTime": "11:27:49.575000",
    "AcquisitionNumber": 1,
    "SliceThickness": 2.5,
    "SpacingBetweenSlices": 3.5,
    "SAR": 0.152693,
    "EchoTime": 0.025,
    "RepetitionTime": 2,
    "FlipAngle": 90,
    "PartialFourier": 1,
    "BaseResolution": 88,
    "ShimSetting": [
        7564,
        -13886,
        14785,
        -92,
        361,
        -404,
        -317,
        -108
    ],
    "TxRefAmp": 336.357,
    "PhaseResolution": 1,
    "ReceiveCoilName": "Head_32",
    "ReceiveCoilActiveElements": "HEA;HEP",
    "PulseSequenceDetails": "%SiemensSeq%\\ep2d_bold",
    "RefLinesPE": 24,
    "CoilCombinationMethod": "Sum of Squares",
    "ConsistencyInfo": "N4_VE11A_LATEST_20140830",
    "MatrixCoilMode": "GRAPPA",
    "PercentPhaseFOV": 95.4545,
    "PercentSampling": 100,
    "EchoTrainLength": 43,
    "PhaseEncodingSteps": 85,
    "AcquisitionMatrixPE": 84,
    "ReconMatrixPE": 84,
    "BandwidthPerPixelPhaseEncode": 42.017,
    "ParallelReductionFactorInPlane": 2,
    "EffectiveEchoSpacing": 0.000283332,
    "DerivedVendorReportedEchoSpacing": 0.000566664,
    "TotalReadoutTime": 0.0235166,
    "PixelBandwidth": 2105,
    "DwellTime": 2.7e-06,
    "PhaseEncodingDirection": "j-",
    "SliceTiming": [
        0.99,
        0,
        1.0525,
        0.0625,
        1.115,
        0.125,
        1.175,
        0.185,
        1.2375,
        0.2475,
        1.3,
        0.31,
        1.3625,
        0.3725,
        1.4225,
        0.4325,
        1.485,
        0.495,
        1.5475,
        0.5575,
        1.6075,
        0.62,
        1.67,
        0.68,
        1.7325,
        0.7425,
        1.795,
        0.805,
        1.855,
        0.8675,
        1.9175,
        0.9275
    ],
    "ImageOrientationPatientDICOM": [
        1,
        0,
        0,
        0,
        1,
        0
    ],
    "ImageOrientationText": "Tra",
    "InPlanePhaseEncodingDirectionDICOM": "COL",
    "ConversionSoftware": "dcm2niix",
    "ConversionSoftwareVersion": "v1.0.20230411",
    "Dcm2bidsVersion": "3.1.0"
}