{
  "aor": 0.0008090196078431373,
  "aqi": 0.012397894973262031,
  "bids_meta": {
    "AcquisitionMatrixPE": 110,
    "AcquisitionNumber": 1,
    "AcquisitionTime": "11:28:34.000000",
    "BodyPartExamined": "BRAIN",
    "CoilString": "Nova32ch",
    "ConversionSoftware": "dcm2niix",
    "ConversionSoftwareVersion": "v1.0.20190410  (JP2:OpenJPEG) (JP-LS:CharLS) GCC5.5.0",
    "DeviceSerialNumber": "0000000416595MR1",
    "EchoTime": 0.03,
    "EffectiveEchoSpacing": 0.000632,
    "FlipAngle": 52,
    "ImageOrientationPatientDICOM": [
      1,
      0,
      0,
      0,
      1,
      0
    ],
    "ImageType": [
      "ORIGINAL",
      "PRIMARY",
      "OTHER"
    ],
    "ImagingFrequency": 127.757,
    "InPlanePhaseEncodingDirectionDICOM": "COL",
    "InstitutionName": "CAMH",
    "MRAcquisitionType": "2D",
    "MagneticFieldStrength": 3,
    "Manufacturer": "GE",
    "ManufacturersModelName": "DISCOVERY_MR750",
    "Modality": "MR",
    "PatientPosition": "HFS",
    "PercentPhaseFOV": 100,
    "PhaseEncodingDirection": "j-",
    "PhaseEncodingPolarityGE": "Unflipped",
    "PixelBandwidth": 4545.45,
    "ProcedureStepDescription": "MODS1MR",
    "ProtocolName": "Restingstate_AP",
    "ReconMatrixPE": 110,
    "RepetitionTime": 0.8,
    "SAR": 0.108667,
    "ScanOptions": "SAT_GEMS_EDR_GEMS_MP_GEMS_EPI_GEMS_HYPERBAND_GEMS_PFF_FS",
    "ScanningSequence": "EP_RM",
    "SequenceVariant": "NONE",
    "SeriesDescription": "Restingstate_AP",
    "SeriesNumber": 7,
    "SliceThickness": 2,
    "SliceTiming": [
      0,
      0.055,
      0.011,
      0.066,
      0.022,
      0.077,
      0.033,
      0.089,
      0.044,
      0.1,
      0.111,
      0.122,
      0.133,
      0.144,
      0.155,
      0.166,
      0.177,
      0.189,
      0.2,
      0.211,
      0.222,
      0.233,
      0.244,
      0.255,
      0.266,
      0.277,
      0.289,
      0.3,
      0.311,
      0.322,
      0.333,
      0.344,
      0.355,
      0.366,
      0.377,
      0.389,
      0.4,
      0.411,
      0.422,
      0.433,
      0.444,
      0.455,
      0.466,
      0.477,
      0.488,
      0.5,
      0.511,
      0.522,
      0.533,
      0.544,
      0.555,
      0.566,
      0.577,
      0.589,
      0.6,
      0.611,
      0.622,
      0.633,
      0.644,
      0.655,
      0.666,
      0.677,
      0.689,
      0.7,
      0.711,
      0.722,
      0.733,
      0.744,
      0.755,
      0.766,
      0.777,
      0.789
    ],
    "SoftwareVersions": "27_LX_MR_Software_release:DV26.0_R05_2008.a",
    "SpacingBetweenSlices": 2,
    "StationName": "MRMR",
    "TotalReadoutTime": 0.068888,
    "TriggerDelayTime": 789,
    "XNATAccessionID": "E37223",
    "dataset": "<unset>",
    "modality": "bold",
    "run_id": 1,
    "session_id": "02",
    "subject_id": "CMH0001",
    "task_id": "rest"
  },
  "dummy_trs": 8,
  "dvars_nstd": 55.95150569516071,
  "dvars_std": 1.0983878262142859,
  "dvars_vstd": 1.004789404589286,
  "efc": 0.4646,
  "fber": 6372.3765,
  "fd_mean": 0.13537577849734506,
  "fd_num": 118,
  "fd_perc": 21.033868092691623,
  "fwhm_avg": 2.8081133333333335,
  "fwhm_x": 3.05705,
  "fwhm_y": 2.62927,
  "fwhm_z": 2.73802,
  "gcor": 0.00806396,
  "gsr_x": 0.014820916578173637,
  "gsr_y": 0.038112446665763855,
  "provenance": {
    "md5sum": "1b86acca649466e932b5d7a5612e30be",
    "settings": {
      "fd_thres": 0.2,
      "testing": false
    },
    "software": "mriqc",
    "version": "24.1.0.dev0+g3fe90466.d20240417"
  },
  "size_t": 561,
  "size_x": 110,
  "size_y": 110,
  "size_z": 72,
  "snr": 1.983425223519098,
  "spacing_tr": 0.800000011920929,
  "spacing_x": 2.0,
  "spacing_y": 2.0,
  "spacing_z": 2.0,
  "summary_bg_k": 74.616,
  "summary_bg_mad": 19.2712,
  "summary_bg_mean": 59.9707,
  "summary_bg_median": 13.0,
  "summary_bg_n": 672084.0,
  "summary_bg_p05": 0.0,
  "summary_bg_p95": 272.0,
  "summary_bg_stdv": 146.5794,
  "summary_fg_k": 6.099,
  "summary_fg_mad": 386.5377,
  "summary_fg_mean": 1126.1002,
  "summary_fg_median": 1046.0,
  "summary_fg_n": 199116.0,
  "summary_fg_p05": 384.0,
  "summary_fg_p95": 2052.0,
  "summary_fg_stdv": 527.3692,
  "tsnr": 25.136344921775162
}