{
  "aor": 0.0005070246734397677,
  "aqi": 0.011652358896952104,
  "bids_meta": {
    "AcquisitionMatrixPE": 110,
    "AcquisitionNumber": 1,
    "AcquisitionTime": "12:00:17.000000",
    "BodyPartExamined": "BRAIN",
    "CoilString": "Nova32ch",
    "ConversionSoftware": "dcm2niix",
    "ConversionSoftwareVersion": "v1.0.20190410  (JP2:OpenJPEG) (JP-LS:CharLS) GCC5.5.0",
    "DeviceSerialNumber": "0000000416595MR1",
    "EchoTime": 0.03,
    "EffectiveEchoSpacing": 0.000632,
    "FlipAngle": 52,
    "ImageOrientationPatientDICOM": [
      1,
      0,
      0,
      0,
      1,
      0
    ],
    "ImageType": [
      "ORIGINAL",
      "PRIMARY",
      "OTHER"
    ],
    "ImagingFrequency": 127.757,
    "InPlanePhaseEncodingDirectionDICOM": "COL",
    "InstitutionName": "CAMH",
    "MRAcquisitionType": "2D",
    "MagneticFieldStrength": 3,
    "Manufacturer": "GE",
    "ManufacturersModelName": "DISCOVERY_MR750",
    "Modality": "MR",
    "PatientPosition": "HFS",
    "PercentPhaseFOV": 100,
    "PhaseEncodingDirection": "j",
    "PhaseEncodingPolarityGE": "Flipped",
    "PixelBandwidth": 4545.45,
    "ProcedureStepDescription": "MODS1MR",
    "ProtocolName": "EAtask_PA",
    "ReconMatrixPE": 110,
    "RepetitionTime": 0.8,
    "SAR": 0.108667,
    "ScanOptions": "SAT_GEMS_EDR_GEMS_MP_GEMS_EPI_GEMS_HYPERBAND_GEMS_PFF_FS",
    "ScanningSequence": "EP_RM",
    "SequenceVariant": "NONE",
    "SeriesDescription": "EAtask_PA",
    "SeriesNumber": 12,
    "SliceThickness": 2,
    "SliceTiming": [
      0,
      0.055,
      0.011,
      0.066,
      0.022,
      0.077,
      0.033,
      0.089,
      0.044,
      0.1,
      0.111,
      0.122,
      0.133,
      0.144,
      0.155,
      0.166,
      0.177,
      0.189,
      0.2,
      0.211,
      0.222,
      0.233,
      0.244,
      0.255,
      0.266,
      0.277,
      0.289,
      0.3,
      0.311,
      0.322,
      0.333,
      0.344,
      0.355,
      0.366,
      0.377,
      0.389,
      0.4,
      0.411,
      0.422,
      0.433,
      0.444,
      0.455,
      0.466,
      0.477,
      0.488,
      0.5,
      0.511,
      0.522,
      0.533,
      0.544,
      0.555,
      0.566,
      0.577,
      0.589,
      0.6,
      0.611,
      0.622,
      0.633,
      0.644,
      0.655,
      0.666,
      0.677,
      0.689,
      0.7,
      0.711,
      0.722,
      0.733,
      0.744,
      0.755,
      0.766,
      0.777,
      0.789
    ],
    "SoftwareVersions": "27_LX_MR_Software_release:DV26.0_R05_2008.a",
    "SpacingBetweenSlices": 2,
    "StationName": "MRMR",
    "TotalReadoutTime": 0.068888,
    "TriggerDelayTime": 789,
    "XNATAccessionID": "E37223",
    "dataset": "<unset>",
    "modality": "bold",
    "run_id": 2,
    "session_id": "02",
    "subject_id": "CMH0001",
    "task_id": "emp"
  },
  "dummy_trs": 5,
  "dvars_nstd": 51.74120056915698,
  "dvars_std": 1.066935874941861,
  "dvars_vstd": 0.9954915910319763,
  "efc": 0.4876,
  "fber": 6166.647,
  "fd_mean": 0.10625236127920117,
  "fd_num": 11,
  "fd_perc": 1.5965166908563135,
  "fwhm_avg": 2.6799250000000003,
  "fwhm_x": 2.903095,
  "fwhm_y": 2.56921,
  "fwhm_z": 2.56747,
  "gcor": 0.00849939,
  "gsr_x": 0.0116885369643569,
  "gsr_y": 0.05228931084275246,
  "provenance": {
    "md5sum": "a8cacff5e7597dadeae47ffff665d3ac",
    "settings": {
      "fd_thres": 0.2,
      "testing": false
    },
    "software": "mriqc",
    "version": "24.1.0.dev0+g3fe90466.d20240417"
  },
  "size_t": 689,
  "size_x": 110,
  "size_y": 110,
  "size_z": 72,
  "snr": 2.419376081633357,
  "spacing_tr": 0.800000011920929,
  "spacing_x": 2.0,
  "spacing_y": 2.0,
  "spacing_z": 2.0,
  "summary_bg_k": 53.7611,
  "summary_bg_mad": 17.7912,
  "summary_bg_mean": 58.6884,
  "summary_bg_median": 12.0,
  "summary_bg_n": 664018.0,
  "summary_bg_p05": 0.0,
  "summary_bg_p95": 268.0,
  "summary_bg_stdv": 147.5822,
  "summary_fg_k": 3.482,
  "summary_fg_mad": 312.5666,
  "summary_fg_mean": 988.9188,
  "summary_fg_median": 951.0,
  "summary_fg_n": 207182.0,
  "summary_fg_p05": 385.0,
  "summary_fg_p95": 1667.0,
  "summary_fg_stdv": 393.0756,
  "tsnr": 26.792857666267082
}