{
  "aor": 0.0006774963609898108,
  "aqi": 0.015873591819505095,
  "bids_meta": {
    "AcquisitionMatrixPE": 110,
    "AcquisitionNumber": 1,
    "AcquisitionTime": "11:49:12.000000",
    "BodyPartExamined": "BRAIN",
    "CoilString": "Nova32ch",
    "ConversionSoftware": "dcm2niix",
    "ConversionSoftwareVersion": "v1.0.20190410  (JP2:OpenJPEG) (JP-LS:CharLS) GCC5.5.0",
    "DeviceSerialNumber": "0000000416595MR1",
    "EchoTime": 0.03,
    "EffectiveEchoSpacing": 0.000632,
    "FlipAngle": 52,
    "ImageOrientationPatientDICOM": [
      1,
      0,
      0,
      0,
      1,
      0
    ],
    "ImageType": [
      "ORIGINAL",
      "PRIMARY",
      "OTHER"
    ],
    "ImagingFrequency": 127.757,
    "InPlanePhaseEncodingDirectionDICOM": "COL",
    "InstitutionName": "CAMH",
    "MRAcquisitionType": "2D",
    "MagneticFieldStrength": 3,
    "Manufacturer": "GE",
    "ManufacturersModelName": "DISCOVERY_MR750",
    "Modality": "MR",
    "PatientPosition": "HFS",
    "PercentPhaseFOV": 100,
    "PhaseEncodingDirection": "j-",
    "PhaseEncodingPolarityGE": "Unflipped",
    "PixelBandwidth": 4545.45,
    "ProcedureStepDescription": "MODS1MR",
    "ProtocolName": "EAtask_AP",
    "ReconMatrixPE": 110,
    "RepetitionTime": 0.8,
    "SAR": 0.108667,
    "ScanOptions": "SAT_GEMS_EDR_GEMS_MP_GEMS_EPI_GEMS_HYPERBAND_GEMS_PFF_FS",
    "ScanningSequence": "EP_RM",
    "SequenceVariant": "NONE",
    "SeriesDescription": "EAtask_AP",
    "SeriesNumber": 11,
    "SliceThickness": 2,
    "SliceTiming": [
      0,
      0.055,
      0.011,
      0.066,
      0.022,
      0.077,
      0.033,
      0.089,
      0.044,
      0.1,
      0.111,
      0.122,
      0.133,
      0.144,
      0.155,
      0.166,
      0.177,
      0.189,
      0.2,
      0.211,
      0.222,
      0.233,
      0.244,
      0.255,
      0.266,
      0.277,
      0.289,
      0.3,
      0.311,
      0.322,
      0.333,
      0.344,
      0.355,
      0.366,
      0.377,
      0.389,
      0.4,
      0.411,
      0.422,
      0.433,
      0.444,
      0.455,
      0.466,
      0.477,
      0.488,
      0.5,
      0.511,
      0.522,
      0.533,
      0.544,
      0.555,
      0.566,
      0.577,
      0.589,
      0.6,
      0.611,
      0.622,
      0.633,
      0.644,
      0.655,
      0.666,
      0.677,
      0.689,
      0.7,
      0.711,
      0.722,
      0.733,
      0.744,
      0.755,
      0.766,
      0.777,
      0.789
    ],
    "SoftwareVersions": "27_LX_MR_Software_release:DV26.0_R05_2008.a",
    "SpacingBetweenSlices": 2,
    "StationName": "MRMR",
    "TotalReadoutTime": 0.068888,
    "TriggerDelayTime": 789,
    "XNATAccessionID": "E37223",
    "dataset": "<unset>",
    "modality": "bold",
    "run_id": 1,
    "session_id": "02",
    "subject_id": "CMH0001",
    "task_id": "emp"
  },
  "dummy_trs": 7,
  "dvars_nstd": 55.379757200000036,
  "dvars_std": 1.0658211552332355,
  "dvars_vstd": 0.9810719160641403,
  "efc": 0.4664,
  "fber": 6077.1704,
  "fd_mean": 0.11585749537521764,
  "fd_num": 52,
  "fd_perc": 7.569141193595342,
  "fwhm_avg": 2.77382,
  "fwhm_x": 3.0105,
  "fwhm_y": 2.579345,
  "fwhm_z": 2.731615,
  "gcor": 0.00995811,
  "gsr_x": 0.016031255945563316,
  "gsr_y": 0.03496553748846054,
  "provenance": {
    "md5sum": "47194b57508e22620e334fcd040c448e",
    "settings": {
      "fd_thres": 0.2,
      "testing": false
    },
    "software": "mriqc",
    "version": "24.1.0.dev0+g3fe90466.d20240417"
  },
  "size_t": 687,
  "size_x": 110,
  "size_y": 110,
  "size_z": 72,
  "snr": 1.9842469612233544,
  "spacing_tr": 0.800000011920929,
  "spacing_x": 2.0,
  "spacing_y": 2.0,
  "spacing_z": 2.0,
  "summary_bg_k": 71.439,
  "summary_bg_mad": 17.7912,
  "summary_bg_mean": 56.1783,
  "summary_bg_median": 12.0,
  "summary_bg_n": 671768.0,
  "summary_bg_p05": 0.0,
  "summary_bg_p95": 257.0,
  "summary_bg_stdv": 135.3627,
  "summary_fg_k": 6.1609,
  "summary_fg_mad": 348.6424,
  "summary_fg_mean": 1033.8862,
  "summary_fg_median": 961.0,
  "summary_fg_n": 199432.0,
  "summary_fg_p05": 346.0,
  "summary_fg_p95": 1879.0,
  "summary_fg_stdv": 484.3135,
  "tsnr": 22.57724448852241
}