{
  "bids_meta": {
    "AcquisitionMatrixPE": 256,
    "AcquisitionNumber": 1,
    "AcquisitionTime": "13:10:0.000000",
    "BodyPartExamined": "BRAIN",
    "CoilString": "Nova32ch",
    "ConversionSoftware": "dcm2niix",
    "ConversionSoftwareVersion": "v1.0.20190410  (JP2:OpenJPEG) (JP-LS:CharLS) GCC5.5.0",
    "DeviceSerialNumber": "0000000416595MR1",
    "EchoTime": 0.00292,
    "FlipAngle": 8,
    "ImageOrientationPatientDICOM": [
      0,
      1,
      0,
      0,
      0,
      -1
    ],
    "ImageType": [
      "ORIGINAL",
      "PRIMARY",
      "OTHER"
    ],
    "ImagingFrequency": 127.757,
    "InPlanePhaseEncodingDirectionDICOM": "ROW",
    "InstitutionName": "CAMH",
    "InversionTime": 1.06,
    "MRAcquisitionType": "3D",
    "MagneticFieldStrength": 3,
    "Manufacturer": "GE",
    "ManufacturersModelName": "DISCOVERY_MR750",
    "Modality": "MR",
    "PatientPosition": "HFS",
    "PercentPhaseFOV": 100,
    "PixelBandwidth": 244.141,
    "ProcedureStepDescription": "MODS1MR",
    "ProtocolName": "Sag_MPRAGE_T1",
    "ReconMatrixPE": 256,
    "RepetitionTime": 0.006952,
    "SAR": 0.136276,
    "ScanOptions": "EDR_GEMS_PROMO_GEMS_ACC_GEMS_IR_GEMS",
    "ScanningSequence": "RM",
    "SequenceVariant": "NONE",
    "SeriesDescription": "Sag_MPRAGE_T1",
    "SeriesNumber": 4,
    "SliceThickness": 1,
    "SoftwareVersions": "27_LX_MR_Software_release:DV26.0_R05_2008.a",
    "SpacingBetweenSlices": 1,
    "StationName": "MRMR",
    "XNATAccessionID": "E37352",
    "dataset": "<unset>",
    "modality": "T1w",
    "run_id": 1,
    "session_id": "01",
    "subject_id": "CMH0003"
  },
  "cjv": 0.7490332103321033,
  "cnr": 1.0995049200695648,
  "efc": 0.4547,
  "fber": 879.8543,
  "fwhm_avg": 3.6236266666666666,
  "fwhm_x": 3.56059,
  "fwhm_y": 3.77197,
  "fwhm_z": 3.53832,
  "icvs_csf": 0.2690887720464795,
  "icvs_gm": 0.3621948406193566,
  "icvs_wm": 0.36871638733416384,
  "inu_med": 1.0200293064117432,
  "inu_range": 0.6299122929573058,
  "provenance": {
    "md5sum": "6ee6f34e667e57eb6fcf2160db76620b",
    "settings": {
      "testing": false
    },
    "software": "mriqc",
    "version": "24.1.0.dev0+g3fe90466.d20240417",
    "warnings": {
      "large_rot_frame": true,
      "small_air_mask": false
    }
  },
  "qi_1": 0.0,
  "qi_2": 0.001522579208041869,
  "rpve_csf": 9.348432571583578,
  "rpve_gm": 9.206905848622949,
  "rpve_wm": 9.318208282009259,
  "size_x": 208,
  "size_y": 256,
  "size_z": 256,
  "snr_csf": 1.4056900850088088,
  "snr_gm": 3.2505960915627097,
  "snr_total": 4.029588489544356,
  "snr_wm": 7.43247929206155,
  "snrd_csf": 11.231204303251046,
  "snrd_gm": 25.04006205314987,
  "snrd_total": 23.763509870048114,
  "snrd_wm": 35.019263253743425,
  "spacing_x": 1.0,
  "spacing_y": 1.0,
  "spacing_z": 1.0,
  "summary_bg_k": 435.1971,
  "summary_bg_mad": 17.7912,
  "summary_bg_mean": 18.0695,
  "summary_bg_median": 12.0,
  "summary_bg_n": 4915790.0,
  "summary_bg_p05": 0.0,
  "summary_bg_p95": 67.0,
  "summary_bg_stdv": 24.8329,
  "summary_csf_k": -0.7952,
  "summary_csf_mad": 185.2643,
  "summary_csf_mean": 342.2554,
  "summary_csf_median": 305.0,
  "summary_csf_n": 387247.53539839864,
  "summary_csf_p05": 62.0,
  "summary_csf_p95": 718.0,
  "summary_csf_stdv": 216.975,
  "summary_gm_k": 1.9624,
  "summary_gm_mad": 100.911,
  "summary_gm_mean": 682.2494,
  "summary_gm_median": 680.0,
  "summary_gm_n": 521237.13039812306,
  "summary_gm_p05": 309.0,
  "summary_gm_p95": 1030.0,
  "summary_gm_stdv": 209.1922,
  "summary_wm_k": -0.0691,
  "summary_wm_mad": 102.077,
  "summary_wm_mean": 934.8419,
  "summary_wm_median": 951.0,
  "summary_wm_n": 530622.3339244092,
  "summary_wm_p05": 704.0,
  "summary_wm_p95": 1126.0,
  "summary_wm_stdv": 127.9518,
  "tpm_overlap_csf": 0.22069557756060468,
  "tpm_overlap_gm": 0.5275272326329531,
  "tpm_overlap_wm": 0.5440291053674575,
  "wm2max": 0.26065426201662856
}