{
  "aor": 0.0017137172011661805,
  "aqi": 0.019796323760932946,
  "bids_meta": {
    "AcquisitionMatrixPE": 106,
    "AcquisitionNumber": 1,
    "AcquisitionTime": "14:45:26.000000",
    "BodyPartExamined": "BRAIN",
    "CoilString": "Nova32ch",
    "ConversionSoftware": "dcm2niix",
    "ConversionSoftwareVersion": "v1.0.20190410  (JP2:OpenJPEG) (JP-LS:CharLS) GCC5.5.0",
    "DeviceSerialNumber": "0000000416595MR1",
    "EchoTime": 0.03,
    "EffectiveEchoSpacing": 0.000648,
    "FlipAngle": 52,
    "ImageOrientationPatientDICOM": [
      1,
      0,
      0,
      0,
      1,
      0
    ],
    "ImageType": [
      "ORIGINAL",
      "PRIMARY",
      "OTHER"
    ],
    "ImagingFrequency": 127.757,
    "InPlanePhaseEncodingDirectionDICOM": "COL",
    "InstitutionName": "CAMH",
    "MRAcquisitionType": "2D",
    "MagneticFieldStrength": 3,
    "Manufacturer": "GE",
    "ManufacturersModelName": "DISCOVERY_MR750",
    "Modality": "MR",
    "PatientPosition": "HFS",
    "PercentPhaseFOV": 100,
    "PhaseEncodingDirection": "j",
    "PhaseEncodingPolarityGE": "Flipped",
    "PixelBandwidth": 4716.98,
    "ProcedureStepDescription": "MODS1MR",
    "ProtocolName": "EAtask_PA",
    "ReconMatrixPE": 106,
    "RepetitionTime": 0.8,
    "SAR": 0.10856,
    "ScanOptions": "SAT_GEMS_EDR_GEMS_MP_GEMS_EPI_GEMS_HYPERBAND_GEMS_PFF_FS",
    "ScanningSequence": "EP_RM",
    "SequenceVariant": "NONE",
    "SeriesDescription": "EAtask_PA",
    "SeriesNumber": 16,
    "SliceThickness": 2,
    "SliceTiming": [
      0,
      0.055,
      0.011,
      0.066,
      0.022,
      0.077,
      0.033,
      0.089,
      0.044,
      0.1,
      0.111,
      0.122,
      0.133,
      0.144,
      0.155,
      0.166,
      0.177,
      0.189,
      0.2,
      0.211,
      0.222,
      0.233,
      0.244,
      0.255,
      0.266,
      0.277,
      0.289,
      0.3,
      0.311,
      0.322,
      0.333,
      0.344,
      0.355,
      0.366,
      0.377,
      0.389,
      0.4,
      0.411,
      0.422,
      0.433,
      0.444,
      0.455,
      0.466,
      0.477,
      0.488,
      0.5,
      0.511,
      0.522,
      0.533,
      0.544,
      0.555,
      0.566,
      0.577,
      0.589,
      0.6,
      0.611,
      0.622,
      0.633,
      0.644,
      0.655,
      0.666,
      0.677,
      0.689,
      0.7,
      0.711,
      0.722,
      0.733,
      0.744,
      0.755,
      0.766,
      0.777,
      0.789
    ],
    "SoftwareVersions": "27_LX_MR_Software_release:DV26.0_R05_2008.a",
    "SpacingBetweenSlices": 2,
    "StationName": "MRMR",
    "TotalReadoutTime": 0.06804,
    "TriggerDelayTime": 789,
    "XNATAccessionID": "E37193",
    "dataset": "<unset>",
    "modality": "bold",
    "run_id": 2,
    "session_id": "01",
    "subject_id": "CMH0001",
    "task_id": "emp"
  },
  "dummy_trs": 8,
  "dvars_nstd": 55.15668862334315,
  "dvars_std": 1.0628684046861319,
  "dvars_vstd": 1.0110134399708022,
  "efc": 0.5206,
  "fber": 2526.3511,
  "fd_mean": 0.17394326671587831,
  "fd_num": 141,
  "fd_perc": 20.55393586005831,
  "fwhm_avg": 2.710352960293235,
  "fwhm_x": 2.8808592795671455,
  "fwhm_y": 2.58909960131256,
  "fwhm_z": 2.6611,
  "gcor": 0.00961943,
  "gsr_x": 0.023081542924046516,
  "gsr_y": 0.0484868660569191,
  "provenance": {
    "md5sum": "7c384b3bf95e25d0fee523c7dabcae6b",
    "settings": {
      "fd_thres": 0.2,
      "testing": false
    },
    "software": "mriqc",
    "version": "24.1.0.dev0+g3fe90466.d20240417"
  },
  "size_t": 686,
  "size_x": 106,
  "size_y": 106,
  "size_z": 72,
  "snr": 2.488479006469327,
  "spacing_tr": 0.800000011920929,
  "spacing_x": 1.9622999429702759,
  "spacing_y": 1.9622999429702759,
  "spacing_z": 2.0,
  "summary_bg_k": 37.6036,
  "summary_bg_mad": 29.6239,
  "summary_bg_mean": 68.6878,
  "summary_bg_median": 20.0,
  "summary_bg_n": 595324.0,
  "summary_bg_p05": 0.0,
  "summary_bg_p95": 293.0,
  "summary_bg_stdv": 147.7859,
  "summary_fg_k": 2.9149,
  "summary_fg_mad": 316.8123,
  "summary_fg_mean": 1033.6691,
  "summary_fg_median": 997.0,
  "summary_fg_n": 213668.0,
  "summary_fg_p05": 431.0,
  "summary_fg_p95": 1737.0,
  "summary_fg_stdv": 400.6454,
  "tsnr": 21.016989081166685
}