{
  "aor": 0.003104212827988339,
  "aqi": 0.017339951603498542,
  "bids_meta": {
    "AcquisitionMatrixPE": 110,
    "AcquisitionNumber": 1,
    "AcquisitionTime": "15:47:23.000000",
    "BodyPartExamined": "BRAIN",
    "CoilString": "Nova32ch",
    "ConversionSoftware": "dcm2niix",
    "ConversionSoftwareVersion": "v1.0.20190410  (JP2:OpenJPEG) (JP-LS:CharLS) GCC5.5.0",
    "DeviceSerialNumber": "0000000416595MR1",
    "EchoTime": 0.03,
    "EffectiveEchoSpacing": 0.000632,
    "FlipAngle": 52,
    "ImageOrientationPatientDICOM": [
      1,
      0,
      0,
      0,
      1,
      0
    ],
    "ImageType": [
      "ORIGINAL",
      "PRIMARY",
      "OTHER"
    ],
    "ImagingFrequency": 127.757,
    "InPlanePhaseEncodingDirectionDICOM": "COL",
    "InstitutionName": "CAMH",
    "MRAcquisitionType": "2D",
    "MagneticFieldStrength": 3,
    "Manufacturer": "GE",
    "ManufacturersModelName": "DISCOVERY_MR750",
    "Modality": "MR",
    "PatientPosition": "HFS",
    "PercentPhaseFOV": 100,
    "PhaseEncodingDirection": "j",
    "PhaseEncodingPolarityGE": "Flipped",
    "PixelBandwidth": 4545.45,
    "ProcedureStepDescription": "MODS1MR",
    "ProtocolName": "EAtask_PA",
    "ReconMatrixPE": 110,
    "RepetitionTime": 0.8,
    "SAR": 0.151928,
    "ScanOptions": "SAT_GEMS_EDR_GEMS_MP_GEMS_EPI_GEMS_HYPERBAND_GEMS_PFF_FS",
    "ScanningSequence": "EP_RM",
    "SequenceVariant": "NONE",
    "SeriesDescription": "EAtask_PA",
    "SeriesNumber": 14,
    "SliceThickness": 2,
    "SliceTiming": [
      0,
      0.055,
      0.011,
      0.066,
      0.022,
      0.077,
      0.033,
      0.089,
      0.044,
      0.1,
      0.111,
      0.122,
      0.133,
      0.144,
      0.155,
      0.166,
      0.177,
      0.189,
      0.2,
      0.211,
      0.222,
      0.233,
      0.244,
      0.255,
      0.266,
      0.277,
      0.289,
      0.3,
      0.311,
      0.322,
      0.333,
      0.344,
      0.355,
      0.366,
      0.377,
      0.389,
      0.4,
      0.411,
      0.422,
      0.433,
      0.444,
      0.455,
      0.466,
      0.477,
      0.488,
      0.5,
      0.511,
      0.522,
      0.533,
      0.544,
      0.555,
      0.566,
      0.577,
      0.589,
      0.6,
      0.611,
      0.622,
      0.633,
      0.644,
      0.655,
      0.666,
      0.677,
      0.689,
      0.7,
      0.711,
      0.722,
      0.733,
      0.744,
      0.755,
      0.766,
      0.777,
      0.789
    ],
    "SoftwareVersions": "27_LX_MR_Software_release:DV26.0_R05_2008.a",
    "SpacingBetweenSlices": 2,
    "StationName": "MRMR",
    "TotalReadoutTime": 0.068888,
    "TriggerDelayTime": 789,
    "XNATAccessionID": "E37197",
    "dataset": "<unset>",
    "modality": "bold",
    "run_id": 2,
    "session_id": "01",
    "subject_id": "CMH0002",
    "task_id": "emp"
  },
  "dummy_trs": 8,
  "dvars_nstd": 59.58569982472992,
  "dvars_std": 1.0758450296496347,
  "dvars_vstd": 1.04498940781022,
  "efc": 0.4937,
  "fber": 1440.8146,
  "fd_mean": 0.13818019063796927,
  "fd_num": 104,
  "fd_perc": 15.160349854227405,
  "fwhm_avg": 2.7008083333333333,
  "fwhm_x": 2.856595,
  "fwhm_y": 2.6489,
  "fwhm_z": 2.59693,
  "gcor": 0.00376078,
  "gsr_x": 0.02180095948278904,
  "gsr_y": 0.01653420552611351,
  "provenance": {
    "md5sum": "d5609b94a22b3969f7fbced0749df330",
    "settings": {
      "fd_thres": 0.2,
      "testing": false
    },
    "software": "mriqc",
    "version": "24.1.0.dev0+g3fe90466.d20240417"
  },
  "size_t": 686,
  "size_x": 110,
  "size_y": 110,
  "size_z": 72,
  "snr": 2.2865187730331664,
  "spacing_tr": 0.800000011920929,
  "spacing_x": 2.0,
  "spacing_y": 2.0,
  "spacing_z": 2.0,
  "summary_bg_k": 46.9204,
  "summary_bg_mad": 36.9203,
  "summary_bg_mean": 79.5644,
  "summary_bg_median": 25.0,
  "summary_bg_n": 686681.0,
  "summary_bg_p05": 0.0,
  "summary_bg_p95": 331.0,
  "summary_bg_stdv": 166.1677,
  "summary_fg_k": 2.1272,
  "summary_fg_mad": 330.1751,
  "summary_fg_mean": 1002.2528,
  "summary_fg_median": 958.0,
  "summary_fg_n": 184519.0,
  "summary_fg_p05": 331.0,
  "summary_fg_p95": 1752.0,
  "summary_fg_stdv": 418.9764,
  "tsnr": 20.810081961448304
}