{
  "aor": 0.003328515283842795,
  "aqi": 0.032874222852983984,
  "bids_meta": {
    "AcquisitionMatrixPE": 110,
    "AcquisitionNumber": 1,
    "AcquisitionTime": "13:46:35.000000",
    "BodyPartExamined": "BRAIN",
    "CoilString": "Nova32ch",
    "ConversionSoftware": "dcm2niix",
    "ConversionSoftwareVersion": "v1.0.20190410  (JP2:OpenJPEG) (JP-LS:CharLS) GCC5.5.0",
    "DeviceSerialNumber": "0000000416595MR1",
    "EchoTime": 0.03,
    "EffectiveEchoSpacing": 0.000632,
    "FlipAngle": 52,
    "ImageOrientationPatientDICOM": [
      1,
      0,
      0,
      0,
      1,
      0
    ],
    "ImageType": [
      "ORIGINAL",
      "PRIMARY",
      "OTHER"
    ],
    "ImagingFrequency": 127.757,
    "InPlanePhaseEncodingDirectionDICOM": "COL",
    "InstitutionName": "CAMH",
    "MRAcquisitionType": "2D",
    "MagneticFieldStrength": 3,
    "Manufacturer": "GE",
    "ManufacturersModelName": "DISCOVERY_MR750",
    "Modality": "MR",
    "PatientPosition": "HFS",
    "PercentPhaseFOV": 100,
    "PhaseEncodingDirection": "j-",
    "PhaseEncodingPolarityGE": "Unflipped",
    "PixelBandwidth": 4545.45,
    "ProcedureStepDescription": "MODS1MR",
    "ProtocolName": "EAtask_AP",
    "ReconMatrixPE": 110,
    "RepetitionTime": 0.8,
    "SAR": 0.148897,
    "ScanOptions": "SAT_GEMS_EDR_GEMS_MP_GEMS_EPI_GEMS_HYPERBAND_GEMS_PFF_FS",
    "ScanningSequence": "EP_RM",
    "SequenceVariant": "NONE",
    "SeriesDescription": "EAtask_AP",
    "SeriesNumber": 12,
    "SliceThickness": 2,
    "SliceTiming": [
      0,
      0.055,
      0.011,
      0.066,
      0.022,
      0.077,
      0.033,
      0.089,
      0.044,
      0.1,
      0.111,
      0.122,
      0.133,
      0.144,
      0.155,
      0.166,
      0.177,
      0.189,
      0.2,
      0.211,
      0.222,
      0.233,
      0.244,
      0.255,
      0.266,
      0.277,
      0.289,
      0.3,
      0.311,
      0.322,
      0.333,
      0.344,
      0.355,
      0.366,
      0.377,
      0.389,
      0.4,
      0.411,
      0.422,
      0.433,
      0.444,
      0.455,
      0.466,
      0.477,
      0.488,
      0.5,
      0.511,
      0.522,
      0.533,
      0.544,
      0.555,
      0.566,
      0.577,
      0.589,
      0.6,
      0.611,
      0.622,
      0.633,
      0.644,
      0.655,
      0.666,
      0.677,
      0.689,
      0.7,
      0.711,
      0.722,
      0.733,
      0.744,
      0.755,
      0.766,
      0.777,
      0.789
    ],
    "SoftwareVersions": "27_LX_MR_Software_release:DV26.0_R05_2008.a",
    "SpacingBetweenSlices": 2,
    "StationName": "MRMR",
    "TotalReadoutTime": 0.068888,
    "TriggerDelayTime": 789,
    "dataset": "<unset>",
    "modality": "bold",
    "run_id": 1,
    "session_id": "02",
    "subject_id": "CMH0003",
    "task_id": "emp"
  },
  "dummy_trs": 7,
  "dvars_nstd": 84.2136191377551,
  "dvars_std": 1.0882322529591837,
  "dvars_vstd": 0.9880346146355687,
  "efc": 0.4673,
  "fber": 1548.4,
  "fd_mean": 0.6032521727402664,
  "fd_num": 559,
  "fd_perc": 81.36826783114992,
  "fwhm_avg": 2.699003333333333,
  "fwhm_x": 2.90299,
  "fwhm_y": 2.48699,
  "fwhm_z": 2.70703,
  "gcor": 0.0099321,
  "gsr_x": 0.015404772944748402,
  "gsr_y": 0.03529560565948486,
  "provenance": {
    "md5sum": "5cdef42197b6c7059d381b5323e3e5ab",
    "settings": {
      "fd_thres": 0.2,
      "testing": false
    },
    "software": "mriqc",
    "version": "24.1.0.dev0+g3fe90466.d20240417"
  },
  "size_t": 687,
  "size_x": 110,
  "size_y": 110,
  "size_z": 72,
  "snr": 2.0226423144882277,
  "spacing_tr": 0.800000011920929,
  "spacing_x": 2.0,
  "spacing_y": 2.0,
  "spacing_z": 2.0,
  "summary_bg_k": 48.3301,
  "summary_bg_mad": 38.5153,
  "summary_bg_mean": 79.4824,
  "summary_bg_median": 26.0,
  "summary_bg_n": 708831.0,
  "summary_bg_p05": 0.0,
  "summary_bg_p95": 331.0,
  "summary_bg_stdv": 147.3101,
  "summary_fg_k": 5.2613,
  "summary_fg_mad": 347.3692,
  "summary_fg_mean": 1091.1122,
  "summary_fg_median": 1027.0,
  "summary_fg_n": 162369.0,
  "summary_fg_p05": 318.0,
  "summary_fg_p95": 1993.0,
  "summary_fg_stdv": 507.7501,
  "tsnr": 15.394388847635128
}