{
  "aor": 0.0007274460431654677,
  "aqi": 0.016460597661870503,
  "bids_meta": {
    "AcquisitionMatrixPE": 110,
    "AcquisitionNumber": 1,
    "AcquisitionTime": "15:08:45.000000",
    "BodyPartExamined": "BRAIN",
    "CoilString": "Nova32ch",
    "ConversionSoftware": "dcm2niix",
    "ConversionSoftwareVersion": "v1.0.20190410  (JP2:OpenJPEG) (JP-LS:CharLS) GCC5.5.0",
    "DeviceSerialNumber": "0000000416595MR1",
    "EchoTime": 0.03,
    "EffectiveEchoSpacing": 0.000632,
    "FlipAngle": 52,
    "ImageOrientationPatientDICOM": [
      1,
      0,
      0,
      0,
      1,
      0
    ],
    "ImageType": [
      "ORIGINAL",
      "PRIMARY",
      "OTHER"
    ],
    "ImagingFrequency": 127.757,
    "InPlanePhaseEncodingDirectionDICOM": "COL",
    "InstitutionName": "CAMH",
    "MRAcquisitionType": "2D",
    "MagneticFieldStrength": 3,
    "Manufacturer": "GE",
    "ManufacturersModelName": "DISCOVERY_MR750",
    "Modality": "MR",
    "PatientPosition": "HFS",
    "PercentPhaseFOV": 100,
    "PhaseEncodingDirection": "j-",
    "PhaseEncodingPolarityGE": "Unflipped",
    "PixelBandwidth": 4545.45,
    "ProcedureStepDescription": "MODS1MR",
    "ProtocolName": "Restingstate_AP",
    "ReconMatrixPE": 110,
    "RepetitionTime": 0.8,
    "SAR": 0.151928,
    "ScanOptions": "SAT_GEMS_EDR_GEMS_MP_GEMS_EPI_GEMS_HYPERBAND_GEMS_PFF_FS",
    "ScanningSequence": "EP_RM",
    "SequenceVariant": "NONE",
    "SeriesDescription": "Restingstate_AP",
    "SeriesNumber": 7,
    "SliceThickness": 2,
    "SliceTiming": [
      0,
      0.055,
      0.011,
      0.066,
      0.022,
      0.077,
      0.033,
      0.089,
      0.044,
      0.1,
      0.111,
      0.122,
      0.133,
      0.144,
      0.155,
      0.166,
      0.177,
      0.189,
      0.2,
      0.211,
      0.222,
      0.233,
      0.244,
      0.255,
      0.266,
      0.277,
      0.289,
      0.3,
      0.311,
      0.322,
      0.333,
      0.344,
      0.355,
      0.366,
      0.377,
      0.389,
      0.4,
      0.411,
      0.422,
      0.433,
      0.444,
      0.455,
      0.466,
      0.477,
      0.488,
      0.5,
      0.511,
      0.522,
      0.533,
      0.544,
      0.555,
      0.566,
      0.577,
      0.589,
      0.6,
      0.611,
      0.622,
      0.633,
      0.644,
      0.655,
      0.666,
      0.677,
      0.689,
      0.7,
      0.711,
      0.722,
      0.733,
      0.744,
      0.755,
      0.766,
      0.777,
      0.789
    ],
    "SoftwareVersions": "27_LX_MR_Software_release:DV26.0_R05_2008.a",
    "SpacingBetweenSlices": 2,
    "StationName": "MRMR",
    "TotalReadoutTime": 0.068888,
    "TriggerDelayTime": 789,
    "XNATAccessionID": "E37197",
    "dataset": "<unset>",
    "modality": "bold",
    "run_id": 1,
    "session_id": "01",
    "subject_id": "CMH0002",
    "task_id": "rest"
  },
  "dummy_trs": 13,
  "dvars_nstd": 61.70065518630632,
  "dvars_std": 1.0845671307387392,
  "dvars_vstd": 1.0237908782342326,
  "efc": 0.4809,
  "fber": 1559.7322,
  "fd_mean": 0.14905209969244554,
  "fd_num": 136,
  "fd_perc": 24.46043165467626,
  "fwhm_avg": 2.72807,
  "fwhm_x": 2.94311,
  "fwhm_y": 2.572995,
  "fwhm_z": 2.668105,
  "gcor": 0.00177042,
  "gsr_x": 0.03483347222208977,
  "gsr_y": 0.021371494978666306,
  "provenance": {
    "md5sum": "503ac5c6029b3eeb2c89c243e4ad3d63",
    "settings": {
      "fd_thres": 0.2,
      "testing": false
    },
    "software": "mriqc",
    "version": "24.1.0.dev0+g3fe90466.d20240417"
  },
  "size_t": 556,
  "size_x": 110,
  "size_y": 110,
  "size_z": 72,
  "snr": 2.298218122028043,
  "spacing_tr": 0.800000011920929,
  "spacing_x": 2.0,
  "spacing_y": 2.0,
  "spacing_z": 2.0,
  "summary_bg_k": 79.4029,
  "summary_bg_mad": 36.9264,
  "summary_bg_mean": 80.2266,
  "summary_bg_median": 25.0,
  "summary_bg_n": 696115.0,
  "summary_bg_p05": 0.0,
  "summary_bg_p95": 324.0,
  "summary_bg_stdv": 182.0403,
  "summary_fg_k": 2.2179,
  "summary_fg_mad": 333.5748,
  "summary_fg_mean": 1034.2619,
  "summary_fg_median": 991.0,
  "summary_fg_n": 175085.0,
  "summary_fg_p05": 320.0,
  "summary_fg_p95": 1797.0,
  "summary_fg_stdv": 431.2024,
  "tsnr": 22.340671029873192
}