{
  "aor": 0.0010250355871886123,
  "aqi": 0.013911090622775799,
  "bids_meta": {
    "AcquisitionMatrixPE": 110,
    "AcquisitionNumber": 1,
    "AcquisitionTime": "15:17:7.000000",
    "BodyPartExamined": "BRAIN",
    "CoilString": "Nova32ch",
    "ConversionSoftware": "dcm2niix",
    "ConversionSoftwareVersion": "v1.0.20190410  (JP2:OpenJPEG) (JP-LS:CharLS) GCC5.5.0",
    "DeviceSerialNumber": "0000000416595MR1",
    "EchoTime": 0.03,
    "EffectiveEchoSpacing": 0.000632,
    "FlipAngle": 52,
    "ImageOrientationPatientDICOM": [
      1,
      0,
      0,
      0,
      1,
      0
    ],
    "ImageType": [
      "ORIGINAL",
      "PRIMARY",
      "OTHER"
    ],
    "ImagingFrequency": 127.757,
    "InPlanePhaseEncodingDirectionDICOM": "COL",
    "InstitutionName": "CAMH",
    "MRAcquisitionType": "2D",
    "MagneticFieldStrength": 3,
    "Manufacturer": "GE",
    "ManufacturersModelName": "DISCOVERY_MR750",
    "Modality": "MR",
    "PatientPosition": "HFS",
    "PercentPhaseFOV": 100,
    "PhaseEncodingDirection": "j",
    "PhaseEncodingPolarityGE": "Flipped",
    "PixelBandwidth": 4545.45,
    "ProcedureStepDescription": "MODS1MR",
    "ProtocolName": "Restingstate_PA",
    "ReconMatrixPE": 110,
    "RepetitionTime": 0.8,
    "SAR": 0.151928,
    "ScanOptions": "SAT_GEMS_EDR_GEMS_MP_GEMS_EPI_GEMS_HYPERBAND_GEMS_PFF_FS",
    "ScanningSequence": "EP_RM",
    "SequenceVariant": "NONE",
    "SeriesDescription": "Restingstate_PA",
    "SeriesNumber": 8,
    "SliceThickness": 2,
    "SliceTiming": [
      0,
      0.055,
      0.011,
      0.066,
      0.022,
      0.077,
      0.033,
      0.089,
      0.044,
      0.1,
      0.111,
      0.122,
      0.133,
      0.144,
      0.155,
      0.166,
      0.177,
      0.189,
      0.2,
      0.211,
      0.222,
      0.233,
      0.244,
      0.255,
      0.266,
      0.277,
      0.289,
      0.3,
      0.311,
      0.322,
      0.333,
      0.344,
      0.355,
      0.366,
      0.377,
      0.389,
      0.4,
      0.411,
      0.422,
      0.433,
      0.444,
      0.455,
      0.466,
      0.477,
      0.488,
      0.5,
      0.511,
      0.522,
      0.533,
      0.544,
      0.555,
      0.566,
      0.577,
      0.589,
      0.6,
      0.611,
      0.622,
      0.633,
      0.644,
      0.655,
      0.666,
      0.677,
      0.689,
      0.7,
      0.711,
      0.722,
      0.733,
      0.744,
      0.755,
      0.766,
      0.777,
      0.789
    ],
    "SoftwareVersions": "27_LX_MR_Software_release:DV26.0_R05_2008.a",
    "SpacingBetweenSlices": 2,
    "StationName": "MRMR",
    "TotalReadoutTime": 0.068888,
    "TriggerDelayTime": 789,
    "XNATAccessionID": "E37197",
    "dataset": "<unset>",
    "modality": "bold",
    "run_id": 2,
    "session_id": "01",
    "subject_id": "CMH0002",
    "task_id": "rest"
  },
  "dummy_trs": 7,
  "dvars_nstd": 57.828774756684496,
  "dvars_std": 1.0601107686809268,
  "dvars_vstd": 1.0339348601604266,
  "efc": 0.493,
  "fber": 1579.0637,
  "fd_mean": 0.12736860170150374,
  "fd_num": 81,
  "fd_perc": 14.412811387900355,
  "fwhm_avg": 2.7042216666666667,
  "fwhm_x": 2.847495,
  "fwhm_y": 2.6632,
  "fwhm_z": 2.60197,
  "gcor": 0.00253632,
  "gsr_x": 0.026410479098558426,
  "gsr_y": 0.017142940312623978,
  "provenance": {
    "md5sum": "579681174ce8aa2dfc669f44838dd4f4",
    "settings": {
      "fd_thres": 0.2,
      "testing": false
    },
    "software": "mriqc",
    "version": "24.1.0.dev0+g3fe90466.d20240417"
  },
  "size_t": 562,
  "size_x": 110,
  "size_y": 110,
  "size_z": 72,
  "snr": 2.29648886324834,
  "spacing_tr": 0.800000011920929,
  "spacing_x": 2.0,
  "spacing_y": 2.0,
  "spacing_z": 2.0,
  "summary_bg_k": 43.011,
  "summary_bg_mad": 35.4163,
  "summary_bg_mean": 78.5603,
  "summary_bg_median": 24.0,
  "summary_bg_n": 686128.0,
  "summary_bg_p05": 0.0,
  "summary_bg_p95": 327.0,
  "summary_bg_stdv": 166.035,
  "summary_fg_k": 2.0047,
  "summary_fg_mad": 327.8054,
  "summary_fg_mean": 994.9142,
  "summary_fg_median": 955.0,
  "summary_fg_n": 185072.0,
  "summary_fg_p05": 316.0,
  "summary_fg_p95": 1734.0,
  "summary_fg_stdv": 415.8511,
  "tsnr": 22.94672378571704
}