{
  "aor": 0.0005301313868613138,
  "aqi": 0.01748129401459854,
  "bids_meta": {
    "AcquisitionMatrixPE": 110,
    "AcquisitionNumber": 1,
    "AcquisitionTime": "15:37:30.000000",
    "BodyPartExamined": "BRAIN",
    "CoilString": "Nova32ch",
    "ConversionSoftware": "dcm2niix",
    "ConversionSoftwareVersion": "v1.0.20190410  (JP2:OpenJPEG) (JP-LS:CharLS) GCC5.5.0",
    "DeviceSerialNumber": "0000000416595MR1",
    "EchoTime": 0.03,
    "EffectiveEchoSpacing": 0.000632,
    "FlipAngle": 52,
    "ImageOrientationPatientDICOM": [
      1,
      0,
      0,
      0,
      1,
      0
    ],
    "ImageType": [
      "ORIGINAL",
      "PRIMARY",
      "OTHER"
    ],
    "ImagingFrequency": 127.757,
    "InPlanePhaseEncodingDirectionDICOM": "COL",
    "InstitutionName": "CAMH",
    "MRAcquisitionType": "2D",
    "MagneticFieldStrength": 3,
    "Manufacturer": "GE",
    "ManufacturersModelName": "DISCOVERY_MR750",
    "Modality": "MR",
    "PatientPosition": "HFS",
    "PercentPhaseFOV": 100,
    "PhaseEncodingDirection": "j-",
    "PhaseEncodingPolarityGE": "Unflipped",
    "PixelBandwidth": 4545.45,
    "ProcedureStepDescription": "MODS1MR",
    "ProtocolName": "EAtask_AP",
    "ReconMatrixPE": 110,
    "RepetitionTime": 0.8,
    "SAR": 0.151928,
    "ScanOptions": "SAT_GEMS_EDR_GEMS_MP_GEMS_EPI_GEMS_HYPERBAND_GEMS_PFF_FS",
    "ScanningSequence": "EP_RM",
    "SequenceVariant": "NONE",
    "SeriesDescription": "EAtask_AP",
    "SeriesNumber": 13,
    "SliceThickness": 2,
    "SliceTiming": [
      0,
      0.055,
      0.011,
      0.066,
      0.022,
      0.077,
      0.033,
      0.089,
      0.044,
      0.1,
      0.111,
      0.122,
      0.133,
      0.144,
      0.155,
      0.166,
      0.177,
      0.189,
      0.2,
      0.211,
      0.222,
      0.233,
      0.244,
      0.255,
      0.266,
      0.277,
      0.289,
      0.3,
      0.311,
      0.322,
      0.333,
      0.344,
      0.355,
      0.366,
      0.377,
      0.389,
      0.4,
      0.411,
      0.422,
      0.433,
      0.444,
      0.455,
      0.466,
      0.477,
      0.488,
      0.5,
      0.511,
      0.522,
      0.533,
      0.544,
      0.555,
      0.566,
      0.577,
      0.589,
      0.6,
      0.611,
      0.622,
      0.633,
      0.644,
      0.655,
      0.666,
      0.677,
      0.689,
      0.7,
      0.711,
      0.722,
      0.733,
      0.744,
      0.755,
      0.766,
      0.777,
      0.789
    ],
    "SoftwareVersions": "27_LX_MR_Software_release:DV26.0_R05_2008.a",
    "SpacingBetweenSlices": 2,
    "StationName": "MRMR",
    "TotalReadoutTime": 0.068888,
    "TriggerDelayTime": 789,
    "XNATAccessionID": "E37197",
    "dataset": "<unset>",
    "modality": "bold",
    "run_id": 1,
    "session_id": "01",
    "subject_id": "CMH0002",
    "task_id": "emp"
  },
  "dummy_trs": 9,
  "dvars_nstd": 62.69790814480996,
  "dvars_std": 1.083718983479532,
  "dvars_vstd": 1.0028320083187123,
  "efc": 0.4799,
  "fber": 1550.8568,
  "fd_mean": 0.15282399688898096,
  "fd_num": 179,
  "fd_perc": 26.131386861313867,
  "fwhm_avg": 2.7371499999999997,
  "fwhm_x": 2.967395,
  "fwhm_y": 2.57605,
  "fwhm_z": 2.668005,
  "gcor": 0.0025582,
  "gsr_x": 0.029529428109526634,
  "gsr_y": 0.022821467369794846,
  "provenance": {
    "md5sum": "dd53fd1f5e039b07f189d1beef3aede6",
    "settings": {
      "fd_thres": 0.2,
      "testing": false
    },
    "software": "mriqc",
    "version": "24.1.0.dev0+g3fe90466.d20240417"
  },
  "size_t": 685,
  "size_x": 110,
  "size_y": 110,
  "size_z": 72,
  "snr": 2.25680505522788,
  "spacing_tr": 0.800000011920929,
  "spacing_x": 2.0,
  "spacing_y": 2.0,
  "spacing_z": 2.0,
  "summary_bg_k": 90.8866,
  "summary_bg_mad": 36.9287,
  "summary_bg_mean": 78.8484,
  "summary_bg_median": 25.0,
  "summary_bg_n": 694790.0,
  "summary_bg_p05": 0.0,
  "summary_bg_p95": 320.0,
  "summary_bg_stdv": 178.7804,
  "summary_fg_k": 2.404,
  "summary_fg_mad": 338.5842,
  "summary_fg_mean": 1035.185,
  "summary_fg_median": 989.0,
  "summary_fg_n": 176410.0,
  "summary_fg_p05": 310.0,
  "summary_fg_p95": 1807.0,
  "summary_fg_stdv": 438.2289,
  "tsnr": 21.893446733243763
}