{
    "Modality": "MR",
    "MagneticFieldStrength": 3,
    "ImagingFrequency": 123.238597,
    "Manufacturer": "Siemens",
    "ManufacturersModelName": "Skyra",
    "InstitutionName": "University of Arizona",
    "InstitutionalDepartmentName": "Department",
    "InstitutionAddress": "North Warren Ave 1609,Tucson,Denver,US,85719",
    "DeviceSerialNumber": "45424",
    "StationName": "AWP45424",
    "BodyPartExamined": "BRAIN",
    "PatientPosition": "HFS",
    "ProcedureStepDescription": "Kielar^TMS",
    "SoftwareVersions": "syngo MR E11",
    "MRAcquisitionType": "2D",
    "SeriesDescription": "DTI_30_DIRs_A-P",
    "ProtocolName": "DTI_30_DIRs_A-P",
    "ScanningSequence": "EP",
    "SequenceVariant": "SK\\SP",
    "ScanOptions": "PFP\\FS",
    "SequenceName": "*ep_b0",
    "ImageType": [
        "ORIGINAL",
        "PRIMARY",
        "DIFFUSION",
        "NONE",
        "ND",
        "NORM",
        "MOSAIC"
    ],
    "NonlinearGradientCorrection": false,
    "SeriesNumber": 15,
    "AcquisitionTime": "11:20:2.702500",
    "AcquisitionNumber": 1,
    "SliceThickness": 2,
    "SpacingBetweenSlices": 2,
    "SAR": 0.361337,
    "EchoTime": 0.086,
    "RepetitionTime": 11.5,
    "SpoilingState": true,
    "FlipAngle": 90,
    "PartialFourier": 0.75,
    "BaseResolution": 128,
    "ShimSetting": [
        7558,
        -13913,
        14799,
        -40,
        334,
        -475,
        -361,
        -103
    ],
    "DiffusionScheme": "Bipolar",
    "TxRefAmp": 336.357,
    "PhaseResolution": 1,
    "ReceiveCoilName": "Head_32",
    "ReceiveCoilActiveElements": "HEA;HEP",
    "PulseSequenceDetails": "%SiemensSeq%\\ep2d_diff",
    "RefLinesPE": 32,
    "CoilCombinationMethod": "Adaptive Combine",
    "ConsistencyInfo": "N4_VE11A_LATEST_20140830",
    "MatrixCoilMode": "GRAPPA",
    "PercentPhaseFOV": 100,
    "PercentSampling": 100,
    "EchoTrainLength": 48,
    "PhaseEncodingSteps": 96,
    "AcquisitionMatrixPE": 128,
    "ReconMatrixPE": 128,
    "BandwidthPerPixelPhaseEncode": 16.622,
    "ParallelReductionFactorInPlane": 2,
    "EffectiveEchoSpacing": 0.00047001,
    "DerivedVendorReportedEchoSpacing": 0.000940019,
    "TotalReadoutTime": 0.0596912,
    "PixelBandwidth": 1395,
    "DwellTime": 2.8e-06,
    "PhaseEncodingDirection": "j-",
    "SliceTiming": [
        5.74,
        0,
        5.895,
        0.155,
        6.05,
        0.31,
        6.205,
        0.465,
        6.36,
        0.62,
        6.515,
        0.775,
        6.67,
        0.93,
        6.825,
        1.085,
        6.98,
        1.24,
        7.135,
        1.395,
        7.29,
        1.55,
        7.445,
        1.705,
        7.6,
        1.86,
        7.755,
        2.015,
        7.91,
        2.17,
        8.065,
        2.325,
        8.22,
        2.48,
        8.375,
        2.6375,
        8.53,
        2.7925,
        8.6875,
        2.9475,
        8.8425,
        3.1025,
        8.9975,
        3.2575,
        9.1525,
        3.4125,
        9.3075,
        3.5675,
        9.4625,
        3.7225,
        9.6175,
        3.8775,
        9.7725,
        4.0325,
        9.9275,
        4.1875,
        10.0825,
        4.3425,
        10.2375,
        4.4975,
        10.3925,
        4.6525,
        10.5475,
        4.8075,
        10.7025,
        4.9625,
        10.8575,
        5.1175,
        11.0125,
        5.2725,
        11.1675,
        5.4275,
        11.3225,
        5.585
    ],
    "ImageOrientationPatientDICOM": [
        0.999864,
        0.000481059,
        -0.0164859,
        -2.17565e-08,
        0.999575,
        0.0291664
    ],
    "ImageOrientationText": "Tra>Cor(1.7)>Sag(-0.9)",
    "InPlanePhaseEncodingDirectionDICOM": "COL",
    "ConversionSoftware": "dcm2niix",
    "ConversionSoftwareVersion": "v1.0.20230411",
    "Dcm2bidsVersion": "3.1.0"
}