{
  "NumberOfShells": 2,
  "bValues": "Likely DSI",
  "bValuesEstimation": [
    900.0,
    1800.0
  ],
  "bdiffs_max": 0.0764,
  "bdiffs_mean": 0.0233,
  "bdiffs_median": 0.0181,
  "bdiffs_min": 0.0029,
  "bids_meta": {
    "AcquisitionMatrixPE": 140,
    "AcquisitionNumber": 1,
    "AcquisitionTime": "12:11:25.000000",
    "BodyPartExamined": "HEAD",
    "CoilString": "Nova32ch",
    "ConversionSoftware": "dcm2niix",
    "ConversionSoftwareVersion": "v1.0.20190410  (JP2:OpenJPEG) (JP-LS:CharLS) GCC5.5.0",
    "DeviceSerialNumber": "0000000416595MR1",
    "EchoTime": 0.097,
    "EffectiveEchoSpacing": 0.000812,
    "FlipAngle": 90,
    "ImageOrientationPatientDICOM": [
      1,
      0,
      0,
      0,
      1,
      0
    ],
    "ImageType": [
      "ORIGINAL",
      "PRIMARY",
      "OTHER"
    ],
    "ImagingFrequency": 127.757,
    "InPlanePhaseEncodingDirectionDICOM": "COL",
    "InstitutionName": "CAMH",
    "MRAcquisitionType": "2D",
    "MagneticFieldStrength": 3,
    "Manufacturer": "GE",
    "ManufacturersModelName": "DISCOVERY_MR750",
    "Modality": "MR",
    "PatientPosition": "HFS",
    "PercentPhaseFOV": 100,
    "PhaseEncodingDirection": "j",
    "PhaseEncodingPolarityGE": "Flipped",
    "PixelBandwidth": 3571.43,
    "ProcedureStepDescription": "MODS1MR",
    "ProtocolName": "DTI_97plus2_PA",
    "ReconMatrixPE": 140,
    "RepetitionTime": 4,
    "SAR": 0.235112,
    "ScanOptions": "CL_GEMS_SAT_GEMS_EDR_GEMS_EPI_GEMS_HYPERBAND_GEMS_ACC_GEMS_PFF_FS",
    "ScanningSequence": "EP_SE",
    "SequenceVariant": "NONE",
    "SeriesDescription": "DTI_97plus2_PA",
    "SeriesNumber": 14,
    "SliceThickness": 1.6,
    "SoftwareVersions": "27_LX_MR_Software_release:DV26.0_R05_2008.a",
    "SpacingBetweenSlices": 1.6,
    "StationName": "MRMR",
    "TotalReadoutTime": 0.112868,
    "XNATAccessionID": "E37223",
    "acq_id": "multishelldir92",
    "dataset": "<unset>",
    "modality": "dwi",
    "run_id": 1,
    "session_id": "02",
    "subject_id": "CMH0001"
  },
  "efc_shell01": 4.1542,
  "efc_shell02": 1.9411,
  "efc_shell03": 1.1963,
  "fa_degenerate": 0.0,
  "fa_nans": 0.0,
  "fber_shell01": 10.7755,
  "fber_shell02": 29.642,
  "fber_shell03": 117.8776,
  "fd_mean": 2.8603,
  "fd_num": 97,
  "fd_perc": 97.97979797979798,
  "ndc": 0.8213,
  "provenance": {
    "md5sum": "163b27fb4f12eb16e3b11dafc8a2f558",
    "settings": {
      "testing": false
    },
    "software": "mriqc",
    "version": "24.1.0.dev0+g3fe90466.d20240417"
  },
  "sigma_cc": 78.5779,
  "sigma_pca": 43.1757,
  "sigma_piesno": 18.1583,
  "snr_cc_shell0": 5.08,
  "snr_cc_shell1_best": 5.09,
  "snr_cc_shell1_worst": 5.09,
  "snr_cc_shell2_best": 3.08,
  "snr_cc_shell2_worst": 2.1,
  "spikes_global": 98.04,
  "spikes_slice_i": 288.6,
  "spikes_slice_j": 97.98,
  "spikes_slice_k": 375.7,
  "summary_bg_k": 101.1944,
  "summary_bg_mad": 20.7564,
  "summary_bg_mean": 44.4342,
  "summary_bg_median": 14.0,
  "summary_bg_n": 1157880.0,
  "summary_bg_p05": 0.0,
  "summary_bg_p95": 200.0,
  "summary_bg_stdv": 98.5694,
  "summary_fg_k": 7.5448,
  "summary_fg_mad": 257.9728,
  "summary_fg_mean": 700.3874,
  "summary_fg_median": 587.0,
  "summary_fg_n": 429720.0,
  "summary_fg_p05": 284.0,
  "summary_fg_p95": 1510.0,
  "summary_fg_stdv": 407.7941,
  "summary_wm_k": 26.0434,
  "summary_wm_mad": 120.0908,
  "summary_wm_mean": 492.7482,
  "summary_wm_median": 466.0,
  "summary_wm_n": 212944.0,
  "summary_wm_p05": 261.0,
  "summary_wm_p95": 805.0,
  "summary_wm_stdv": 190.9126
}