{
    "Modality": "MR",
    "MagneticFieldStrength": 3,
    "ImagingFrequency": 123.238595,
    "Manufacturer": "Siemens",
    "ManufacturersModelName": "Skyra",
    "InstitutionName": "University of Arizona",
    "InstitutionalDepartmentName": "Department",
    "InstitutionAddress": "North Warren Ave 1609,Tucson,Denver,US,85719",
    "DeviceSerialNumber": "45424",
    "StationName": "AWP45424",
    "BodyPartExamined": "BRAIN",
    "PatientPosition": "HFS",
    "ProcedureStepDescription": "Kielar^TMS",
    "SoftwareVersions": "syngo MR E11",
    "MRAcquisitionType": "3D",
    "SeriesDescription": "T1_mprage_1mm",
    "ProtocolName": "T1_mprage_1mm",
    "ScanningSequence": "GR\\IR",
    "SequenceVariant": "SK\\SP\\MP",
    "ScanOptions": "IR",
    "SequenceName": "*tfl3d1_16ns",
    "ImageType": [
        "ORIGINAL",
        "PRIMARY",
        "M",
        "ND",
        "NORM"
    ],
    "NonlinearGradientCorrection": false,
    "SeriesNumber": 13,
    "AcquisitionTime": "11:11:22.442500",
    "AcquisitionNumber": 1,
    "SliceThickness": 1,
    "SAR": 0.122121,
    "EchoTime": 0.00233,
    "RepetitionTime": 2.1,
    "SpoilingState": true,
    "InversionTime": 1.1,
    "FlipAngle": 12,
    "PartialFourier": 1,
    "BaseResolution": 256,
    "ShimSetting": [
        7566,
        -13961,
        14768,
        -48,
        368,
        -669,
        -343,
        -93
    ],
    "TxRefAmp": 336.357,
    "PhaseResolution": 1,
    "ReceiveCoilName": "Head_32",
    "ReceiveCoilActiveElements": "HEA;HEP",
    "PulseSequenceDetails": "%SiemensSeq%\\tfl",
    "RefLinesPE": 24,
    "CoilCombinationMethod": "Adaptive Combine",
    "ConsistencyInfo": "N4_VE11A_LATEST_20140830",
    "MatrixCoilMode": "GRAPPA",
    "PercentPhaseFOV": 100,
    "PercentSampling": 100,
    "PhaseEncodingSteps": 255,
    "AcquisitionMatrixPE": 256,
    "ReconMatrixPE": 256,
    "ParallelReductionFactorInPlane": 2,
    "PixelBandwidth": 190,
    "DwellTime": 1.03e-05,
    "ImageOrientationPatientDICOM": [
        -0.0408288,
        0.999138,
        -0.00749368,
        -0.0543137,
        -0.00970819,
        -0.998477
    ],
    "ImageOrientationText": "Sag>Tra(3.1)>Cor(-2.3)",
    "InPlanePhaseEncodingDirectionDICOM": "ROW",
    "ConversionSoftware": "dcm2niix",
    "ConversionSoftwareVersion": "v1.0.20230411",
    "Dcm2bidsVersion": "3.1.0"
}