{
  "aor": 0.0008553733528550512,
  "aqi": 0.014371269355783306,
  "bids_meta": {
    "AcquisitionMatrixPE": 110,
    "AcquisitionNumber": 1,
    "AcquisitionTime": "12:42:25.000000",
    "BodyPartExamined": "BRAIN",
    "CoilString": "Nova32ch",
    "ConversionSoftware": "dcm2niix",
    "ConversionSoftwareVersion": "v1.0.20190410  (JP2:OpenJPEG) (JP-LS:CharLS) GCC5.5.0",
    "DeviceSerialNumber": "0000000416595MR1",
    "EchoTime": 0.03,
    "EffectiveEchoSpacing": 0.000632,
    "FlipAngle": 52,
    "ImageOrientationPatientDICOM": [
      1,
      0,
      0,
      0,
      1,
      0
    ],
    "ImageType": [
      "ORIGINAL",
      "PRIMARY",
      "OTHER"
    ],
    "ImagingFrequency": 127.757,
    "InPlanePhaseEncodingDirectionDICOM": "COL",
    "InstitutionName": "CAMH",
    "MRAcquisitionType": "2D",
    "MagneticFieldStrength": 3,
    "Manufacturer": "GE",
    "ManufacturersModelName": "DISCOVERY_MR750",
    "Modality": "MR",
    "PatientPosition": "HFS",
    "PercentPhaseFOV": 100,
    "PhaseEncodingDirection": "j",
    "PhaseEncodingPolarityGE": "Flipped",
    "PixelBandwidth": 4545.45,
    "ProcedureStepDescription": "MODS1MR",
    "ProtocolName": "EAtask_PA",
    "ReconMatrixPE": 110,
    "RepetitionTime": 0.8,
    "SAR": 0.102495,
    "ScanOptions": "SAT_GEMS_EDR_GEMS_MP_GEMS_EPI_GEMS_HYPERBAND_GEMS_PFF_FS",
    "ScanningSequence": "EP_RM",
    "SequenceVariant": "NONE",
    "SeriesDescription": "EAtask_PA",
    "SeriesNumber": 12,
    "SliceThickness": 2,
    "SliceTiming": [
      0,
      0.055,
      0.011,
      0.066,
      0.022,
      0.077,
      0.033,
      0.089,
      0.044,
      0.1,
      0.111,
      0.122,
      0.133,
      0.144,
      0.155,
      0.166,
      0.177,
      0.189,
      0.2,
      0.211,
      0.222,
      0.233,
      0.244,
      0.255,
      0.266,
      0.277,
      0.289,
      0.3,
      0.311,
      0.322,
      0.333,
      0.344,
      0.355,
      0.366,
      0.377,
      0.389,
      0.4,
      0.411,
      0.422,
      0.433,
      0.444,
      0.455,
      0.466,
      0.477,
      0.488,
      0.5,
      0.511,
      0.522,
      0.533,
      0.544,
      0.555,
      0.566,
      0.577,
      0.589,
      0.6,
      0.611,
      0.622,
      0.633,
      0.644,
      0.655,
      0.666,
      0.677,
      0.689,
      0.7,
      0.711,
      0.722,
      0.733,
      0.744,
      0.755,
      0.766,
      0.777,
      0.789
    ],
    "SoftwareVersions": "27_LX_MR_Software_release:DV26.0_R05_2008.a",
    "SpacingBetweenSlices": 2,
    "StationName": "MRMR",
    "TotalReadoutTime": 0.068888,
    "TriggerDelayTime": 789,
    "XNATAccessionID": "E37326",
    "dataset": "<unset>",
    "modality": "bold",
    "run_id": 2,
    "session_id": "02",
    "subject_id": "CMH0002",
    "task_id": "emp"
  },
  "dummy_trs": 11,
  "dvars_nstd": 55.248075474076195,
  "dvars_std": 1.075417478885631,
  "dvars_vstd": 1.009564461554252,
  "efc": 0.4911,
  "fber": 1357.2784,
  "fd_mean": 0.17514738168644817,
  "fd_num": 220,
  "fd_perc": 32.210834553440705,
  "fwhm_avg": 2.5774733333333337,
  "fwhm_x": 2.74114,
  "fwhm_y": 2.533615,
  "fwhm_z": 2.457665,
  "gcor": 0.008471,
  "gsr_x": 0.031268343329429626,
  "gsr_y": 0.020258061587810516,
  "provenance": {
    "md5sum": "3dc233d62490186f8d9a28169c3a6b4f",
    "settings": {
      "fd_thres": 0.2,
      "testing": false
    },
    "software": "mriqc",
    "version": "24.1.0.dev0+g3fe90466.d20240417"
  },
  "size_t": 683,
  "size_x": 110,
  "size_y": 110,
  "size_z": 72,
  "snr": 2.3796178266657595,
  "spacing_tr": 0.800000011920929,
  "spacing_x": 2.0,
  "spacing_y": 2.0,
  "spacing_z": 2.0,
  "summary_bg_k": 31.6681,
  "summary_bg_mad": 39.8631,
  "summary_bg_mean": 89.6498,
  "summary_bg_median": 27.0,
  "summary_bg_n": 701964.0,
  "summary_bg_p05": 0.0,
  "summary_bg_p95": 388.0,
  "summary_bg_stdv": 184.9347,
  "summary_fg_k": 2.6804,
  "summary_fg_mad": 330.4011,
  "summary_fg_mean": 1045.2521,
  "summary_fg_median": 994.0,
  "summary_fg_n": 169236.0,
  "summary_fg_p05": 427.0,
  "summary_fg_p95": 1793.0,
  "summary_fg_stdv": 417.7129,
  "tsnr": 24.552409000345506
}