{
  "aor": 0.0007051428571428572,
  "aqi": 0.012944218303571429,
  "bids_meta": {
    "AcquisitionMatrixPE": 110,
    "AcquisitionNumber": 1,
    "AcquisitionTime": "12:20:50.000000",
    "BodyPartExamined": "BRAIN",
    "CoilString": "Nova32ch",
    "ConversionSoftware": "dcm2niix",
    "ConversionSoftwareVersion": "v1.0.20190410  (JP2:OpenJPEG) (JP-LS:CharLS) GCC5.5.0",
    "DeviceSerialNumber": "0000000416595MR1",
    "EchoTime": 0.03,
    "EffectiveEchoSpacing": 0.000632,
    "FlipAngle": 52,
    "ImageOrientationPatientDICOM": [
      1,
      0,
      0,
      0,
      1,
      0
    ],
    "ImageType": [
      "ORIGINAL",
      "PRIMARY",
      "OTHER"
    ],
    "ImagingFrequency": 127.757,
    "InPlanePhaseEncodingDirectionDICOM": "COL",
    "InstitutionName": "CAMH",
    "MRAcquisitionType": "2D",
    "MagneticFieldStrength": 3,
    "Manufacturer": "GE",
    "ManufacturersModelName": "DISCOVERY_MR750",
    "Modality": "MR",
    "PatientPosition": "HFS",
    "PercentPhaseFOV": 100,
    "PhaseEncodingDirection": "j",
    "PhaseEncodingPolarityGE": "Flipped",
    "PixelBandwidth": 4545.45,
    "ProcedureStepDescription": "MODS1MR",
    "ProtocolName": "Restingstate_PA",
    "ReconMatrixPE": 110,
    "RepetitionTime": 0.8,
    "SAR": 0.102495,
    "ScanOptions": "SAT_GEMS_EDR_GEMS_MP_GEMS_EPI_GEMS_HYPERBAND_GEMS_PFF_FS",
    "ScanningSequence": "EP_RM",
    "SequenceVariant": "NONE",
    "SeriesDescription": "Restingstate_PA",
    "SeriesNumber": 8,
    "SliceThickness": 2,
    "SliceTiming": [
      0,
      0.055,
      0.011,
      0.066,
      0.022,
      0.077,
      0.033,
      0.089,
      0.044,
      0.1,
      0.111,
      0.122,
      0.133,
      0.144,
      0.155,
      0.166,
      0.177,
      0.189,
      0.2,
      0.211,
      0.222,
      0.233,
      0.244,
      0.255,
      0.266,
      0.277,
      0.289,
      0.3,
      0.311,
      0.322,
      0.333,
      0.344,
      0.355,
      0.366,
      0.377,
      0.389,
      0.4,
      0.411,
      0.422,
      0.433,
      0.444,
      0.455,
      0.466,
      0.477,
      0.488,
      0.5,
      0.511,
      0.522,
      0.533,
      0.544,
      0.555,
      0.566,
      0.577,
      0.589,
      0.6,
      0.611,
      0.622,
      0.633,
      0.644,
      0.655,
      0.666,
      0.677,
      0.689,
      0.7,
      0.711,
      0.722,
      0.733,
      0.744,
      0.755,
      0.766,
      0.777,
      0.789
    ],
    "SoftwareVersions": "27_LX_MR_Software_release:DV26.0_R05_2008.a",
    "SpacingBetweenSlices": 2,
    "StationName": "MRMR",
    "TotalReadoutTime": 0.068888,
    "TriggerDelayTime": 789,
    "XNATAccessionID": "E37326",
    "dataset": "<unset>",
    "modality": "bold",
    "run_id": 2,
    "session_id": "02",
    "subject_id": "CMH0002",
    "task_id": "rest"
  },
  "dummy_trs": 9,
  "dvars_nstd": 55.73823898121644,
  "dvars_std": 1.0638988214490173,
  "dvars_vstd": 1.000491263488372,
  "efc": 0.4865,
  "fber": 1413.4432,
  "fd_mean": 0.19736043639440878,
  "fd_num": 252,
  "fd_perc": 45.0,
  "fwhm_avg": 2.562405,
  "fwhm_x": 2.731145,
  "fwhm_y": 2.524345,
  "fwhm_z": 2.431725,
  "gcor": 0.00220637,
  "gsr_x": 0.029690586030483246,
  "gsr_y": 0.016762489452958107,
  "provenance": {
    "md5sum": "ae541589db1891348cd1b6ff46117a08",
    "settings": {
      "fd_thres": 0.2,
      "testing": false
    },
    "software": "mriqc",
    "version": "24.1.0.dev0+g3fe90466.d20240417"
  },
  "size_t": 560,
  "size_x": 110,
  "size_y": 110,
  "size_z": 72,
  "snr": 2.360240920895298,
  "spacing_tr": 0.800000011920929,
  "spacing_x": 2.0,
  "spacing_y": 2.0,
  "spacing_z": 2.0,
  "summary_bg_k": 28.8485,
  "summary_bg_mad": 42.744,
  "summary_bg_mean": 98.178,
  "summary_bg_median": 29.0,
  "summary_bg_n": 706693.0,
  "summary_bg_p05": 0.0,
  "summary_bg_p95": 437.0,
  "summary_bg_stdv": 205.2402,
  "summary_fg_k": 2.9195,
  "summary_fg_mad": 356.2614,
  "summary_fg_mean": 1145.1117,
  "summary_fg_median": 1081.0,
  "summary_fg_n": 164507.0,
  "summary_fg_p05": 487.0,
  "summary_fg_p95": 1975.0,
  "summary_fg_stdv": 458.0027,
  "tsnr": 25.740233393153176
}