{
  "bids_meta": {
    "AcquisitionMatrixPE": 256,
    "AcquisitionNumber": 1,
    "AcquisitionTime": "13:55:50.000000",
    "BodyPartExamined": "BRAIN",
    "CoilString": "Nova32ch",
    "ConversionSoftware": "dcm2niix",
    "ConversionSoftwareVersion": "v1.0.20190410  (JP2:OpenJPEG) (JP-LS:CharLS) GCC5.5.0",
    "DeviceSerialNumber": "0000000416595MR1",
    "EchoTime": 0.00292,
    "FlipAngle": 8,
    "ImageOrientationPatientDICOM": [
      0,
      1,
      0,
      0,
      0,
      -1
    ],
    "ImageType": [
      "ORIGINAL",
      "PRIMARY",
      "OTHER"
    ],
    "ImagingFrequency": 127.757,
    "InPlanePhaseEncodingDirectionDICOM": "ROW",
    "InstitutionName": "CAMH",
    "InversionTime": 1.06,
    "MRAcquisitionType": "3D",
    "MagneticFieldStrength": 3,
    "Manufacturer": "GE",
    "ManufacturersModelName": "DISCOVERY_MR750",
    "Modality": "MR",
    "PatientPosition": "HFS",
    "PercentPhaseFOV": 100,
    "PixelBandwidth": 244.141,
    "ProcedureStepDescription": "MODS1MR",
    "ProtocolName": "Sag_MPRAGE_T1",
    "ReconMatrixPE": 256,
    "RepetitionTime": 0.006952,
    "SAR": 0.103302,
    "ScanOptions": "EDR_GEMS_PROMO_GEMS_ACC_GEMS_IR_GEMS",
    "ScanningSequence": "RM",
    "SequenceVariant": "NONE",
    "SeriesDescription": "Sag_MPRAGE_T1",
    "SeriesNumber": 4,
    "SliceThickness": 1,
    "SoftwareVersions": "27_LX_MR_Software_release:DV26.0_R05_2008.a",
    "SpacingBetweenSlices": 1,
    "StationName": "MRMR",
    "XNATAccessionID": "E37193",
    "dataset": "<unset>",
    "modality": "T1w",
    "run_id": 1,
    "session_id": "01",
    "subject_id": "CMH0001"
  },
  "cjv": 0.5653991124260355,
  "cnr": 1.6440422676204975,
  "efc": 0.446,
  "fber": 3347.5953,
  "fwhm_avg": 3.7687666666666666,
  "fwhm_x": 3.75822,
  "fwhm_y": 3.9066,
  "fwhm_z": 3.64148,
  "icvs_csf": 0.27459492056886337,
  "icvs_gm": 0.3766226216732292,
  "icvs_wm": 0.34878245775790745,
  "inu_med": 0.9905096292495728,
  "inu_range": 0.6683037340641022,
  "provenance": {
    "md5sum": "b4620176b83b7d3e803e85534fefc53d",
    "settings": {
      "testing": false
    },
    "software": "mriqc",
    "version": "24.1.0.dev0+g3fe90466.d20240417",
    "warnings": {
      "large_rot_frame": true,
      "small_air_mask": false
    }
  },
  "qi_1": 0.0,
  "qi_2": 0.001255497699431721,
  "rpve_csf": 7.582855930686963,
  "rpve_gm": 7.494454574023478,
  "rpve_wm": 7.6246066488295625,
  "size_x": 208,
  "size_y": 256,
  "size_z": 256,
  "snr_csf": 1.660707715006267,
  "snr_gm": 3.5884692322151803,
  "snr_total": 4.555092688004878,
  "snr_wm": 8.416101116793188,
  "snrd_csf": 17.086159989208145,
  "snrd_gm": 30.097172624668374,
  "snrd_total": 31.29189453962258,
  "snrd_wm": 46.692351004991224,
  "spacing_x": 1.0,
  "spacing_y": 1.0,
  "spacing_z": 1.0,
  "summary_bg_k": 95.5387,
  "summary_bg_mad": 13.3434,
  "summary_bg_mean": 13.1013,
  "summary_bg_median": 9.0,
  "summary_bg_n": 4555215.0,
  "summary_bg_p05": 0.0,
  "summary_bg_p95": 37.0,
  "summary_bg_stdv": 17.833,
  "summary_csf_k": -0.8641,
  "summary_csf_mad": 175.7964,
  "summary_csf_mean": 355.5612,
  "summary_csf_median": 348.0,
  "summary_csf_n": 484641.9114845563,
  "summary_csf_p05": 55.0,
  "summary_csf_p95": 693.0,
  "summary_csf_stdv": 209.549,
  "summary_gm_k": -0.1653,
  "summary_gm_mad": 109.8292,
  "summary_gm_mean": 621.5166,
  "summary_gm_median": 613.0,
  "summary_gm_n": 664714.0700851537,
  "summary_gm_p05": 344.0,
  "summary_gm_p95": 938.0,
  "summary_gm_stdv": 170.8248,
  "summary_wm_k": 0.2654,
  "summary_wm_mad": 81.2757,
  "summary_wm_mean": 932.3858,
  "summary_wm_median": 951.0,
  "summary_wm_n": 615578.0182309782,
  "summary_wm_p05": 714.0,
  "summary_wm_p95": 1091.0,
  "summary_wm_stdv": 112.9976,
  "tpm_overlap_csf": 0.21854438875096197,
  "tpm_overlap_gm": 0.5336843459552256,
  "tpm_overlap_wm": 0.538447062676967,
  "wm2max": 0.35982219922239356
}