{
  "aor": 0.00162492,
  "aqi": 0.00324779004,
  "bids_meta": {
    "AcquisitionMatrixPE": 64,
    "AcquisitionNumber": 1,
    "AcquisitionTime": "10:39:28.817500",
    "BandwidthPerPixelPhaseEncode": 63.776,
    "BaseResolution": 64,
    "BodyPartExamined": "BRAIN",
    "CoilCombinationMethod": "Sum of Squares",
    "ConsistencyInfo": "N4_VE11C_LATEST_20160120",
    "ConversionSoftware": "dcm2niix",
    "ConversionSoftwareVersion": "v1.0.20220720",
    "DerivedVendorReportedEchoSpacing": 0.000489996,
    "DeviceSerialNumber": "167017",
    "DwellTime": 3.2e-06,
    "EchoTime": 0.03,
    "EchoTrainLength": 31,
    "EffectiveEchoSpacing": 0.000244998,
    "FlipAngle": 70,
    "HeudiconvVersion": "0.11.6",
    "ImageOrientationPatientDICOM": [
      1,
      0,
      0,
      0,
      0.946649,
      -0.322266
    ],
    "ImageOrientationText": "Tra>Cor(-18.8)",
    "ImageType": [
      "ORIGINAL",
      "PRIMARY",
      "M",
      "ND",
      "NORM",
      "MOSAIC"
    ],
    "ImagingFrequency": 123.25,
    "InPlanePhaseEncodingDirectionDICOM": "COL",
    "InstitutionAddress": "University Street 3801,Montreal,District,CA,H3A 2B4",
    "InstitutionName": "Mc Connell Brain Imaging Centre",
    "InstitutionalDepartmentName": "Department",
    "MRAcquisitionType": "2D",
    "MagneticFieldStrength": 3,
    "Manufacturer": "Siemens",
    "ManufacturersModelName": "Prisma_fit",
    "MatrixCoilMode": "GRAPPA",
    "Modality": "MR",
    "NonlinearGradientCorrection": true,
    "ParallelReductionFactorInPlane": 2,
    "PartialFourier": 1,
    "PatientPosition": "HFS",
    "PercentPhaseFOV": 100,
    "PercentSampling": 100,
    "PhaseEncodingDirection": "j-",
    "PhaseEncodingSteps": 63,
    "PhaseResolution": 1,
    "PixelBandwidth": 2440,
    "ProcedureStepDescription": "Development^Dr. Dagher",
    "ProtocolName": "RS-fMRI",
    "PulseSequenceDetails": "%SiemensSeq%\\ep2d_bold",
    "ReceiveCoilActiveElements": "HEA;HEP",
    "ReceiveCoilName": "Head_32",
    "ReconMatrixPE": 64,
    "RefLinesPE": 24,
    "RepetitionTime": 2.13,
    "SAR": 0.0919662,
    "ScanOptions": "FS",
    "ScanningSequence": "EP",
    "SequenceName": "*epfid2d1_64",
    "SequenceVariant": "SK",
    "SeriesDescription": "RS-fMRI",
    "SeriesNumber": 13,
    "ShimSetting": [
      562,
      -11667,
      -6366,
      901,
      -35,
      -207,
      -409,
      927
    ],
    "SliceThickness": 3.5,
    "SliceTiming": [
      0,
      0.0525,
      0.1075,
      0.16,
      0.2125,
      0.265,
      0.3175,
      0.37,
      0.4225,
      0.475,
      0.5275,
      0.58,
      0.6325,
      0.6875,
      0.74,
      0.7925,
      0.845,
      0.8975,
      0.95,
      1.0025,
      1.055,
      1.1075,
      1.16,
      1.215,
      1.2675,
      1.32,
      1.3725,
      1.425,
      1.4775,
      1.53,
      1.5825,
      1.635,
      1.6875,
      1.7425,
      1.795,
      1.8475,
      1.9,
      1.9525,
      2.005,
      2.0575
    ],
    "SoftwareVersions": "syngo MR E11",
    "SpacingBetweenSlices": 3.5,
    "StationName": "MRC35056",
    "TaskName": "rest",
    "TotalReadoutTime": 0.0154349,
    "TxRefAmp": 266.724,
    "dataset": "<unset>",
    "modality": "bold",
    "run_id": 1,
    "session_id": "01",
    "subject_id": "ED01",
    "task_id": "rest"
  },
  "dummy_trs": 0,
  "dvars_nstd": 22.249278754096398,
  "dvars_std": 1.1157352488755012,
  "dvars_vstd": 1.0137310457831323,
  "efc": 0.3791832980236229,
  "fber": 5006.8642578125,
  "fd_mean": 0.15852156090779998,
  "fd_num": 51,
  "fd_perc": 20.4,
  "fwhm_avg": 2.097501904761905,
  "fwhm_x": 2.0405828571428573,
  "fwhm_y": 2.195942857142857,
  "fwhm_z": 2.05598,
  "gcor": 0.022965,
  "gsr_x": -0.027310503646731377,
  "gsr_y": 0.04955803602933884,
  "provenance": {
    "md5sum": "08c95793c270f7e4cb6fb98d9d791413",
    "settings": {
      "fd_thres": 0.2,
      "testing": false
    },
    "software": "mriqc",
    "version": "23.1.0"
  },
  "size_t": 250,
  "size_x": 64,
  "size_y": 64,
  "size_z": 40,
  "snr": 3.4431004893092663,
  "spacing_tr": 2.130000114440918,
  "spacing_x": 3.5,
  "spacing_y": 3.5,
  "spacing_z": 3.5,
  "summary_bg_k": 21.952832727508824,
  "summary_bg_mad": 4.495250022655521,
  "summary_bg_mean": 15.840613874343095,
  "summary_bg_median": 5.1080002784729,
  "summary_bg_n": 147416.0,
  "summary_bg_p05": 1.7320001125335693,
  "summary_bg_p95": 69.03600311279297,
  "summary_bg_stdv": 27.126230141255693,
  "summary_fg_k": 0.7538167713920298,
  "summary_fg_mad": 92.35132748214859,
  "summary_fg_mean": 363.6198375257584,
  "summary_fg_median": 361.43800354003906,
  "summary_fg_n": 16424.0,
  "summary_fg_p05": 195.21600341796875,
  "summary_fg_p95": 546.1600341796875,
  "summary_fg_stdv": 104.97137714856143,
  "tsnr": 59.5508589039091
}