{
  "bids_meta": {
    "AcquisitionMatrixPE": 256,
    "AcquisitionNumber": 1,
    "AcquisitionTime": "12:02:39.000000",
    "BodyPartExamined": "BRAIN",
    "CoilString": "Nova32ch",
    "ConversionSoftware": "dcm2niix",
    "ConversionSoftwareVersion": "v1.0.20190410  (JP2:OpenJPEG) (JP-LS:CharLS) GCC5.5.0",
    "DeviceSerialNumber": "0000000416595MR1",
    "EchoTime": 0.00292,
    "FlipAngle": 8,
    "ImageOrientationPatientDICOM": [
      0,
      1,
      0,
      0,
      0,
      -1
    ],
    "ImageType": [
      "ORIGINAL",
      "PRIMARY",
      "OTHER"
    ],
    "ImagingFrequency": 127.757,
    "InPlanePhaseEncodingDirectionDICOM": "ROW",
    "InstitutionName": "CAMH",
    "InversionTime": 1.06,
    "MRAcquisitionType": "3D",
    "MagneticFieldStrength": 3,
    "Manufacturer": "GE",
    "ManufacturersModelName": "DISCOVERY_MR750",
    "Modality": "MR",
    "PatientPosition": "HFS",
    "PercentPhaseFOV": 100,
    "PixelBandwidth": 244.141,
    "ProcedureStepDescription": "MODS1MR",
    "ProtocolName": "Sag_MPRAGE_T1",
    "ReconMatrixPE": 256,
    "RepetitionTime": 0.006952,
    "SAR": 0.0958872,
    "ScanOptions": "EDR_GEMS_PROMO_GEMS_ACC_GEMS_IR_GEMS",
    "ScanningSequence": "RM",
    "SequenceVariant": "NONE",
    "SeriesDescription": "Sag_MPRAGE_T1",
    "SeriesNumber": 4,
    "SliceThickness": 1,
    "SoftwareVersions": "27_LX_MR_Software_release:DV26.0_R05_2008.a",
    "SpacingBetweenSlices": 1,
    "StationName": "MRMR",
    "XNATAccessionID": "E37326",
    "dataset": "<unset>",
    "modality": "T1w",
    "run_id": 1,
    "session_id": "02",
    "subject_id": "CMH0002"
  },
  "cjv": 0.6849321070234113,
  "cnr": 1.221792407974758,
  "efc": 0.4581,
  "fber": 2491.1294,
  "fwhm_avg": 3.6410299999999993,
  "fwhm_x": 3.60492,
  "fwhm_y": 3.74959,
  "fwhm_z": 3.56858,
  "icvs_csf": 0.270302441241616,
  "icvs_gm": 0.36804167598169063,
  "icvs_wm": 0.3616558827766933,
  "inu_med": 1.0395958423614502,
  "inu_range": 0.7108739614486694,
  "provenance": {
    "md5sum": "b924ecc4088bfd1e2bd1a86da668f78f",
    "settings": {
      "testing": false
    },
    "software": "mriqc",
    "version": "24.1.0.dev0+g3fe90466.d20240417",
    "warnings": {
      "large_rot_frame": true,
      "small_air_mask": false
    }
  },
  "qi_1": 0.0,
  "qi_2": 0.0008620350191938016,
  "rpve_csf": 8.23663087862603,
  "rpve_gm": 8.10272178152742,
  "rpve_wm": 8.219678221249923,
  "size_x": 208,
  "size_y": 256,
  "size_z": 256,
  "snr_csf": 1.43148824097356,
  "snr_gm": 3.1369782297042885,
  "snr_total": 3.8713411837447924,
  "snr_wm": 7.045557080556528,
  "snrd_csf": 11.850510650822265,
  "snrd_gm": 25.749753651447705,
  "snrd_total": 25.12040449824019,
  "snrd_wm": 37.76094919245061,
  "spacing_x": 1.0,
  "spacing_y": 1.0,
  "spacing_z": 1.0,
  "summary_bg_k": 601.5504,
  "summary_bg_mad": 16.3086,
  "summary_bg_mean": 13.01,
  "summary_bg_median": 11.0,
  "summary_bg_n": 4439141.0,
  "summary_bg_p05": 0.0,
  "summary_bg_p95": 40.0,
  "summary_bg_stdv": 18.3151,
  "summary_csf_k": -0.9035,
  "summary_csf_mad": 173.4818,
  "summary_csf_mean": 324.5414,
  "summary_csf_median": 295.0,
  "summary_csf_n": 440577.0313757713,
  "summary_csf_p05": 48.0,
  "summary_csf_p95": 676.0,
  "summary_csf_stdv": 206.079,
  "summary_gm_k": 5.5252,
  "summary_gm_mad": 104.629,
  "summary_gm_mean": 648.4366,
  "summary_gm_median": 641.0,
  "summary_gm_n": 599886.2173857861,
  "summary_gm_p05": 293.0,
  "summary_gm_p95": 998.0,
  "summary_gm_stdv": 204.3366,
  "summary_wm_k": 0.082,
  "summary_wm_mad": 100.1657,
  "summary_wm_mean": 920.067,
  "summary_wm_median": 940.0,
  "summary_wm_n": 589477.7512235348,
  "summary_wm_p05": 673.0,
  "summary_wm_p95": 1114.0,
  "summary_wm_stdv": 133.4173,
  "tpm_overlap_csf": 0.22530608962915127,
  "tpm_overlap_gm": 0.5356844553790048,
  "tpm_overlap_wm": 0.5478459288539144,
  "wm2max": 0.2487276467451676
}