{
  "NumberOfShells": 2,
  "bValues": "Likely DSI",
  "bValuesEstimation": [
    900.0,
    1800.0
  ],
  "bdiffs_max": 0.1213,
  "bdiffs_mean": 0.0583,
  "bdiffs_median": 0.0454,
  "bdiffs_min": 0.0054,
  "bids_meta": {
    "AcquisitionMatrixPE": 140,
    "AcquisitionNumber": 1,
    "AcquisitionTime": "12:54:4.000000",
    "BodyPartExamined": "HEAD",
    "CoilString": "Nova32ch",
    "ConversionSoftware": "dcm2niix",
    "ConversionSoftwareVersion": "v1.0.20190410  (JP2:OpenJPEG) (JP-LS:CharLS) GCC5.5.0",
    "DeviceSerialNumber": "0000000416595MR1",
    "EchoTime": 0.097,
    "EffectiveEchoSpacing": 0.000812,
    "FlipAngle": 90,
    "ImageOrientationPatientDICOM": [
      1,
      0,
      0,
      0,
      1,
      0
    ],
    "ImageType": [
      "ORIGINAL",
      "PRIMARY",
      "OTHER"
    ],
    "ImagingFrequency": 127.757,
    "InPlanePhaseEncodingDirectionDICOM": "COL",
    "InstitutionName": "CAMH",
    "MRAcquisitionType": "2D",
    "MagneticFieldStrength": 3,
    "Manufacturer": "GE",
    "ManufacturersModelName": "DISCOVERY_MR750",
    "Modality": "MR",
    "PatientPosition": "HFS",
    "PercentPhaseFOV": 100,
    "PhaseEncodingDirection": "j",
    "PhaseEncodingPolarityGE": "Flipped",
    "PixelBandwidth": 3571.43,
    "ProcedureStepDescription": "MODS1MR",
    "ProtocolName": "DTI_97plus2_PA",
    "ReconMatrixPE": 140,
    "RepetitionTime": 4,
    "SAR": 0.221709,
    "ScanOptions": "CL_GEMS_SAT_GEMS_EDR_GEMS_EPI_GEMS_HYPERBAND_GEMS_ACC_GEMS_PFF_FS",
    "ScanningSequence": "EP_SE",
    "SequenceVariant": "NONE",
    "SeriesDescription": "DTI_97plus2_PA",
    "SeriesNumber": 14,
    "SliceThickness": 1.6,
    "SoftwareVersions": "27_LX_MR_Software_release:DV26.0_R05_2008.a",
    "SpacingBetweenSlices": 1.6,
    "StationName": "MRMR",
    "TotalReadoutTime": 0.112868,
    "XNATAccessionID": "E37326",
    "acq_id": "multishelldir92",
    "dataset": "<unset>",
    "modality": "dwi",
    "run_id": 1,
    "session_id": "02",
    "subject_id": "CMH0002"
  },
  "efc_shell01": 3.7562,
  "efc_shell02": 1.6985,
  "efc_shell03": 1.1262,
  "fa_degenerate": 0.0,
  "fa_nans": 0.0,
  "fber_shell01": 3.1243,
  "fber_shell02": 7.4105,
  "fber_shell03": 26.449,
  "fd_mean": 2.184,
  "fd_num": 98,
  "fd_perc": 98.98989898989899,
  "ndc": 0.7567,
  "provenance": {
    "md5sum": "938d1189e98def1c46021ff3b9596285",
    "settings": {
      "testing": false
    },
    "software": "mriqc",
    "version": "24.1.0.dev0+g3fe90466.d20240417"
  },
  "sigma_cc": 68.1997,
  "sigma_pca": 46.7064,
  "sigma_piesno": 20.1392,
  "snr_cc_shell0": 5.82,
  "snr_cc_shell1_best": 5.77,
  "snr_cc_shell1_worst": 5.77,
  "snr_cc_shell2_best": 3.42,
  "snr_cc_shell2_worst": 2.29,
  "spikes_global": 106.23,
  "spikes_slice_i": 350.95,
  "spikes_slice_j": 131.83,
  "spikes_slice_k": 479.28,
  "summary_bg_k": 442.8627,
  "summary_bg_mad": 41.5129,
  "summary_bg_mean": 68.3373,
  "summary_bg_median": 28.0,
  "summary_bg_n": 1213917.0,
  "summary_bg_p05": 0.0,
  "summary_bg_p95": 275.0,
  "summary_bg_stdv": 177.9961,
  "summary_fg_k": 8.3418,
  "summary_fg_mad": 244.6294,
  "summary_fg_mean": 736.8209,
  "summary_fg_median": 595.0,
  "summary_fg_n": 373683.0,
  "summary_fg_p05": 289.0,
  "summary_fg_p95": 1645.0,
  "summary_fg_stdv": 450.5345,
  "summary_wm_k": 51.5735,
  "summary_wm_mad": 115.643,
  "summary_wm_mean": 512.0268,
  "summary_wm_median": 491.0,
  "summary_wm_n": 191915.0,
  "summary_wm_p05": 264.0,
  "summary_wm_p95": 801.0,
  "summary_wm_stdv": 199.5004
}